##TITLE=Parameter List, ParaVision 6.0
##JCAMPDX=4.24
##DATATYPE=Parameter Values
##ORIGIN=Bruker BioSpin MRI GmbH
##OWNER=mri
$$ 2015-11-10 17:55:26 +0100  mri@pharmascan70
$$ /opt/PV6.0/data/mri/20151110_170605_4011_1_1/8/visu_pars
$$ process /opt/PV6.0/prog/mod/acq_out
##$VisuVersion=3
##$VisuUid=( 65 )
<2.16.756.5.5.100.9223372038926637916.29010.1447174526.1>
##$VisuCreator=( 65 )
<ParaVision>
##$VisuCreatorVersion=( 65 )
<6.0>
##$VisuCreationDate=<2015-11-10T17:55:26,263+0100>
##$VisuInstanceModality=( 65 )
<MR>
##$VisuCoreFrameCount=14
##$VisuCoreDim=2
##$VisuCoreSize=( 2 )
64 32
##$VisuCoreDimDesc=( 2 )
spatial spatial
##$VisuCoreExtent=( 2 )
20 9
##$VisuCoreFrameThickness=( 1 )
0.5
##$VisuCoreUnits=( 2, 65 )
<mm> <mm>
##$VisuCoreOrientation=( 14, 9 )
0.99930223200645 0.0372339401910972 -0.00294665993514171 -0.0373419206412792 
0.994285933860384 -0.100005313309866 -0.00079376932919013 0.100045566744508 
0.994982539799077 0.99930223200645 0.0372339401910972 -0.00294665993514171 
-0.0373419206412792 0.994285933860384 -0.100005313309866 -0.00079376932919013 
0.100045566744508 0.994982539799077 0.99930223200645 0.0372339401910972 
-0.00294665993514171 -0.0373419206412792 0.994285933860384 -0.100005313309866 
-0.00079376932919013 0.100045566744508 0.994982539799077 0.99930223200645 
0.0372339401910972 -0.00294665993514171 -0.0373419206412792 0.994285933860384 
-0.100005313309866 -0.00079376932919013 0.100045566744508 0.994982539799077 
0.99930223200645 0.0372339401910972 -0.00294665993514171 -0.0373419206412792 
0.994285933860384 -0.100005313309866 -0.00079376932919013 0.100045566744508 
0.994982539799077 0.99930223200645 0.0372339401910972 -0.00294665993514171 
-0.0373419206412792 0.994285933860384 -0.100005313309866 -0.00079376932919013 
0.100045566744508 0.994982539799077 0.99930223200645 0.0372339401910972 
-0.00294665993514171 -0.0373419206412792 0.994285933860384 -0.100005313309866 
-0.00079376932919013 0.100045566744508 0.994982539799077 0.99930223200645 
0.0372339401910972 -0.00294665993514171 -0.0373419206412792 0.994285933860384 
-0.100005313309866 -0.00079376932919013 0.100045566744508 0.994982539799077 
0.99930223200645 0.0372339401910972 -0.00294665993514171 -0.0373419206412792 
0.994285933860384 -0.100005313309866 -0.00079376932919013 0.100045566744508 
0.994982539799077 0.99930223200645 0.0372339401910972 -0.00294665993514171 
-0.0373419206412792 0.994285933860384 -0.100005313309866 -0.00079376932919013 
0.100045566744508 0.994982539799077 0.99930223200645 0.0372339401910972 
-0.00294665993514171 -0.0373419206412792 0.994285933860384 -0.100005313309866 
-0.00079376932919013 0.100045566744508 0.994982539799077 0.99930223200645 
0.0372339401910972 -0.00294665993514171 -0.0373419206412792 0.994285933860384 
-0.100005313309866 -0.00079376932919013 0.100045566744508 0.994982539799077 
0.99930223200645 0.0372339401910972 -0.00294665993514171 -0.0373419206412792 
0.994285933860384 -0.100005313309866 -0.00079376932919013 0.100045566744508 
0.994982539799077 0.99930223200645 0.0372339401910972 -0.00294665993514171 
-0.0373419206412792 0.994285933860384 -0.100005313309866 -0.00079376932919013 
0.100045566744508 0.994982539799077
##$VisuCorePosition=( 14, 3 )
-9.84607050805931 -4.55368766211913 -2.97013209853271 -9.84658645812328 
-4.4886580437352 -2.32339344766331 -9.84710240818726 -4.42362842535127 
-1.67665479679391 -9.84761835825123 -4.35859880696734 -1.02991614592451 
-9.8481343083152 -4.29356918858341 -0.383177495055112 -9.84865025837918 
-4.22853957019948 0.263561155814288 -9.84916620844315 -4.16350995181555 
0.910299806683689 -9.84968215850712 -4.09848033343162 1.55703845755309 
-9.8501981085711 -4.03345071504769 2.20377710842249 -9.85071405863507 
-3.96842109666376 2.85051575929189 -9.85123000869904 -3.90339147827983 
3.49725441016129 -9.85174595876302 -3.8383618598959 4.14399306103069 
-9.85226190882699 -3.77333224151197 4.79073171190009 -9.85277785889097 
-3.70830262312804 5.43747036276949
##$VisuCoreDataMin=( 14 )
2.68889143976395 1.37469704163221 1.46783813557094 0.141185987334712 
13.361243023685 1.60650908501933 9.95537238454107 1.03106381869468 
6.188401965937 2.85266411209587 3.65387302227391 7.47083305174936 
0.987857713056462 3.36440228631763
##$VisuCoreDataMax=( 14 )
5488.17185950948 7048.43805344625 8191.625 7174.87475885418 7245.35285638202 
6746.02623049163 6572.20815992403 7413.28220622741 6828.52419459678 
6663.4438064554 4974.16325242138 3867.72259539044 3579.51112606999 
2960.3038622724
##$VisuCoreDataOffs=( 14 )
0 0 0 0 0 0 0 0 0 0 0 0 0 0
##$VisuCoreDataSlope=( 14 )
0.0225653089711758 0.0225653089711758 0.0225653089711758 0.0225653089711758 
0.0225653089711758 0.0225653089711758 0.0225653089711758 0.0225653089711758 
0.0225653089711758 0.0225653089711758 0.0225653089711758 0.0225653089711758 
0.0225653089711758 0.0225653089711758
##$VisuCoreFrameType=( 1 )
MAGNITUDE_IMAGE
##$VisuCoreSlicePacksDef=(0, 1)
##$VisuCoreSlicePacksSlices=( 1 )
(0, 14)
##$VisuCoreSlicePacksSliceDist=( 1 )
0.65
##$VisuCoreWordType=_16BIT_SGN_INT
##$VisuCoreByteOrder=littleEndian
##$VisuFGOrderDescDim=1
##$VisuFGOrderDesc=( 1 )
(14, <FG_SLICE>, <>, 0, 2)
##$VisuGroupDepVals=( 2 )
(<VisuCoreOrientation>, 0) (<VisuCorePosition>, 0)
##$VisuSubjectName=( 65 )
<4011>
##$VisuSubjectId=( 65 )
<4011>
##$VisuSubjectUid=( 65 )
<2.16.756.5.5.100.4219345756.28948.1447171505.1022>
##$VisuSubjectInstanceCreationDate=(1447171505, 763, 60)
##$VisuSubjectBirthDate=( 9 )
<20151110>
##$VisuSubjectSex=MALE
##$VisuSubjectType=Quadruped
##$VisuStudyUid=( 65 )
<2.16.756.5.5.100.4219345756.28948.1447171565.1023>
##$VisuStudyDate=<2015-11-10T17:06:05,657+0100>
##$VisuStudyId=( 65 )
<ofMaF>
##$VisuStudyNumber=1
##$VisuSubjectWeight=0.0318
##$VisuStudyReferringPhysician=( 65 )
<CHo>
##$VisuStudyDescription=( 2048 )
<\
>
##$VisuExperimentNumber=8
##$VisuProcessingNumber=1
##$VisuSeriesDate=<2015-11-10T17:55:26,263+0100>
##$VisuSubjectPosition=Head_Supine
##$VisuSeriesTypeId=( 65 )
<ACQ_BRUKER_PVM>
##$VisuManufacturer=( 65 )
<Bruker BioSpin MRI GmbH>
##$VisuAcqSoftwareVersion=( 65 )
<6.0>
##$VisuInstitution=( 65 )
<ETH Zuerich>
##$VisuStation=( 65 )
<BioSpec 70/16>
##$VisuAcqDate=<2015-11-10T17:55:10,114+0100>
##$VisuAcqEchoTrainLength=23
##$VisuAcqSequenceName=( 40 )
<Bruker:EPI>
##$VisuAcqNumberOfAverages=1
##$VisuAcqImagingFrequency=300.329583147239
##$VisuAcqImagedNucleus=( 8 )
<1H>
##$VisuAcqRepetitionTime=( 1 )
1000
##$VisuAcqPhaseEncSteps=23
##$VisuAcqPixelBandwidth=3906.25
##$VisuAcqFlipAngle=60
##$VisuAcqSize=( 2 )
64 23
##$VisuAcqImageSizeAccellerated=Yes
##$VisuAcqGradEncoding=( 2 )
read_enc phase_enc
##$VisuAcqEchoTime=( 1 )
5.513
##$VisuAcquisitionProtocol=( 65 )
<6_EPI_post_endorem>
##$VisuAcqScanTime=1000
##$VisuAcqAntiAlias=( 2 )
1 1
##$VisuAcqEchoSequenceType=Both
##$VisuAcqSpinsVelocityEncoded=No
##$VisuAcqHasTimeOfFlightContrast=No
##$VisuAcqIsEpiSequence=Yes
##$VisuAcqSpectralSuppression=NoSuppression
##$VisuAcqKSpaceTraversal=RectilinearTraversal
##$VisuAcqEncodingOrder=( 2 )
LinearEncoding LinearEncoding
##$VisuAcqKSpaceTrajectoryCnt=1
##$VisuAcqKSpaceFiltering=( 2 )
NO_WDW NO_WDW
##$VisuAcqFlowCompensation=FlowNone
##$VisuAcqSpoiling=GradientSpoiled
##$VisuAcqSaturation=( 1 )
(FovSaturation, 6, 0.0272069920738506 -0.994775941957464 0.0983900649706771, 
-0.221848527039181 8.11150225126829 -0.802282403353705)
##$VisuAcqPartialFourier=( 2 )
1 1.4
##$VisuAcqParallelReductionFactor=( 2 )
1 1
##$VisuAcqMagnetizationTransfer=No
##$VisuAcqBloodSignalNulling=No
##$VisuCardiacSynchUsed=No
##$VisuRespSynchUsed=No
##END=
