##TITLE=Parameter List, ParaVision 6.0
##JCAMPDX=4.24
##DATATYPE=Parameter Values
##ORIGIN=Bruker BioSpin MRI GmbH
##OWNER=mri
$$ 2015-11-10 17:19:55 +0100  mri@pharmascan70
$$ /opt/PV6.0/data/mri/20151110_170605_4011_1_1/2/visu_pars
$$ process /opt/PV6.0/prog/mod/acq_out
##$VisuVersion=3
##$VisuUid=( 65 )
<2.16.756.5.5.100.9223372038926637916.30242.1447172394.1>
##$VisuCreator=( 65 )
<ParaVision>
##$VisuCreatorVersion=( 65 )
<6.0>
##$VisuCreationDate=<2015-11-10T17:19:54,323+0100>
##$VisuInstanceModality=( 65 )
<MR>
##$VisuCoreFrameCount=15
##$VisuCoreDim=2
##$VisuCoreSize=( 2 )
120 120
##$VisuCoreDimDesc=( 2 )
spatial spatial
##$VisuCoreExtent=( 2 )
25 25
##$VisuCoreFrameThickness=( 1 )
1
##$VisuCoreUnits=( 2, 65 )
<mm> <mm>
##$VisuCoreOrientation=( 15, 9 )
0.999855611658566 0.0169928171554226 0 -0.0169928171554226 0.999855611658566 
0 0 0 1 0.999855611658566 0.0169928171554226 0 -0.0169928171554226 
0.999855611658566 0 0 0 1 0.999855611658566 0.0169928171554226 0 
-0.0169928171554226 0.999855611658566 0 0 0 1 0.999855611658566 
0.0169928171554226 0 -0.0169928171554226 0.999855611658566 0 0 0 1 
0.999855611658566 0.0169928171554226 0 -0.0169928171554226 0.999855611658566 
0 0 0 1 -0.00369970595469812 0.999993156064505 0 0 0 -1 -0.999993156064505 
-0.00369970595469812 0 -0.00369970595469812 0.999993156064505 0 0 0 -1 
-0.999993156064505 -0.00369970595469812 0 -0.00369970595469812 
0.999993156064505 0 0 0 -1 -0.999993156064505 -0.00369970595469812 0 
-0.00369970595469812 0.999993156064505 0 0 0 -1 -0.999993156064505 
-0.00369970595469812 0 -0.00369970595469812 0.999993156064505 0 0 0 -1 
-0.999993156064505 -0.00369970595469812 0 0.999974748879717 
-0.00710644798392907 0 0 0 -1 0.00710644798392907 0.999974748879717 0 
0.999974748879717 -0.00710644798392907 0 0 0 -1 0.00710644798392907 
0.999974748879717 0 0.999974748879717 -0.00710644798392907 0 0 0 -1 
0.00710644798392907 0.999974748879717 0 0.999974748879717 
-0.00710644798392907 0 0 0 -1 0.00710644798392907 0.999974748879717 0 
0.999974748879717 -0.00710644798392907 0 0 0 -1 0.00710644798392907 
0.999974748879717 0
##$VisuCorePosition=( 15, 3 )
-12.1446949312893 -8.22104536017481 -4.590062 -12.1446949312893 
-8.22104536017481 -2.590062 -12.1446949312893 -8.22104536017481 -0.590062 
-12.1446949312893 -8.22104536017481 1.409938 -12.1446949312893 
-8.22104536017481 3.409938 4.20214494869175 -10.9570456269875 12.5 
2.20215863656274 -10.9644450388969 12.5 0.202172324433727 -10.9718444508063 
12.5 -1.79781398769528 -10.9792438627157 12.5 -3.79780029982429 
-10.9866432746251 12.5 -12.1282235690607 5.991019595318 12.5 
-12.1424364650286 3.99107009755857 12.5 -12.1566493609965 1.99112059979913 
12.5 -12.1708622569643 -0.00882889796030194 12.5 -12.1850751529322 
-2.00877839571974 12.5
##$VisuCoreDataMin=( 15 )
3.39038540492391 2.57250596525487 1.74077304748802 4.0653869032264 
4.51163910511549 5.78603102206622 3.88818355189538 5.25137881407428 
3.89580494860003 1.93010467148811 2.54109189566429 4.1869589177465 
6.68279810491174 2.80942521971598 6.11172558076939
##$VisuCoreDataMax=( 15 )
23160.227382553 21465.8946114651 25720.19250607 19248.2811673115 
15566.1795267889 31339.6912848406 23600.7822422922 25159.3435182724 
19414.5764689901 18700.7248266743 5676.60113017084 8524.38151201398 
15924.0794544568 32766.5 18773.8898376221
##$VisuCoreDataOffs=( 15 )
0 0 0 0 0 0 0 0 0 0 0 0 0 0 0
##$VisuCoreDataSlope=( 15 )
0.00629099258606421 0.00629099258606421 0.00629099258606421 
0.00629099258606421 0.00629099258606421 0.00629099258606421 
0.00629099258606421 0.00629099258606421 0.00629099258606421 
0.00629099258606421 0.00629099258606421 0.00629099258606421 
0.00629099258606421 0.00629099258606421 0.00629099258606421
##$VisuCoreFrameType=( 1 )
MAGNITUDE_IMAGE
##$VisuCoreSlicePacksDef=(0, 3)
##$VisuCoreSlicePacksSlices=( 3 )
(0, 5) (5, 5) (10, 5)
##$VisuCoreSlicePacksSliceDist=( 3 )
2 2 2
##$VisuCoreWordType=_16BIT_SGN_INT
##$VisuCoreByteOrder=littleEndian
##$VisuCoreTransposition=( 15 )
0 0 0 0 0 1 1 1 1 1 1 1 1 1 1
##$VisuFGOrderDescDim=1
##$VisuFGOrderDesc=( 1 )
(15, <FG_SLICE>, <>, 0, 2)
##$VisuGroupDepVals=( 2 )
(<VisuCoreOrientation>, 0) (<VisuCorePosition>, 0)
##$VisuSubjectName=( 65 )
<4011>
##$VisuSubjectId=( 65 )
<4011>
##$VisuSubjectUid=( 65 )
<2.16.756.5.5.100.4219345756.28948.1447171505.1022>
##$VisuSubjectInstanceCreationDate=(1447171505, 763, 60)
##$VisuSubjectBirthDate=( 9 )
<20151110>
##$VisuSubjectSex=MALE
##$VisuSubjectType=Quadruped
##$VisuStudyUid=( 65 )
<2.16.756.5.5.100.4219345756.28948.1447171565.1023>
##$VisuStudyDate=<2015-11-10T17:06:05,657+0100>
##$VisuStudyId=( 65 )
<ofMaF>
##$VisuStudyNumber=1
##$VisuSubjectWeight=0.0318
##$VisuStudyReferringPhysician=( 65 )
<CHo>
##$VisuStudyDescription=( 2048 )
<\
>
##$VisuExperimentNumber=2
##$VisuProcessingNumber=1
##$VisuSeriesDate=<2015-11-10T17:19:54,323+0100>
##$VisuSubjectPosition=Head_Supine
##$VisuSeriesTypeId=( 65 )
<ACQ_BRUKER_PVM>
##$VisuManufacturer=( 65 )
<Bruker BioSpin MRI GmbH>
##$VisuAcqSoftwareVersion=( 65 )
<6.0>
##$VisuInstitution=( 65 )
<ETH Zuerich>
##$VisuStation=( 65 )
<BioSpec 70/16>
##$VisuAcqDate=<2015-11-10T17:17:44,001+0100>
##$VisuAcqEchoTrainLength=120
##$VisuAcqSequenceName=( 40 )
<Bruker:FLASH>
##$VisuAcqNumberOfAverages=3
##$VisuAcqImagingFrequency=300.329104670063
##$VisuAcqImagedNucleus=( 8 )
<1H>
##$VisuAcqRepetitionTime=( 1 )
15
##$VisuAcqPhaseEncSteps=120
##$VisuAcqPixelBandwidth=339.673913043478
##$VisuAcqFlipAngle=10
##$VisuAcqSize=( 2 )
120 120
##$VisuAcqImageSizeAccellerated=No
##$VisuAcqGradEncoding=( 2 )
read_enc phase_enc
##$VisuAcqEchoTime=( 1 )
4
##$VisuAcquisitionProtocol=( 65 )
<2_Localizer_multi_slice>
##$VisuAcqScanTime=81000
##$VisuAcqAntiAlias=( 2 )
1 1
##$VisuAcqEchoSequenceType=GradientEcho
##$VisuAcqSpinsVelocityEncoded=No
##$VisuAcqHasTimeOfFlightContrast=No
##$VisuAcqIsEpiSequence=No
##$VisuAcqSpectralSuppression=FatSuppression
##$VisuAcqKSpaceTraversal=RectilinearTraversal
##$VisuAcqEncodingOrder=( 2 )
LinearEncoding LinearEncoding
##$VisuAcqKSpaceTrajectoryCnt=1
##$VisuAcqKSpaceFiltering=( 2 )
NO_WDW NO_WDW
##$VisuAcqFlowCompensation=FlowNone
##$VisuAcqSpoiling=GradientSpoiled
##$VisuAcqPartialFourier=( 2 )
1 1
##$VisuAcqParallelReductionFactor=( 2 )
1 1
##$VisuAcqMagnetizationTransfer=No
##$VisuAcqBloodSignalNulling=No
##$VisuCardiacSynchUsed=No
##$VisuRespSynchUsed=No
##END=
