##TITLE=Parameter List, ParaVision 6.0
##JCAMPDX=4.24
##DATATYPE=Parameter Values
##ORIGIN=Bruker BioSpin MRI GmbH
##OWNER=mri
$$ 2017-03-17 14:50:26 +0100  mri@pharmascan70
$$ /opt/PV6.0/data/mri/20170317_143243_5704_1_6/8/visu_pars
$$ process /opt/PV6.0/prog/mod/acq_out
##$VisuVersion=3
##$VisuUid=( 65 )
<2.16.756.5.5.100.9223372038926637916.13543.1489758625.1>
##$VisuCreator=( 65 )
<ParaVision>
##$VisuCreatorVersion=( 65 )
<6.0>
##$VisuCreationDate=<2017-03-17T14:50:25,750+0100>
##$VisuInstanceModality=( 65 )
<MR>
##$VisuCoreFrameCount=15
##$VisuCoreDim=2
##$VisuCoreSize=( 2 )
120 120
##$VisuCoreDimDesc=( 2 )
spatial spatial
##$VisuCoreExtent=( 2 )
25 25
##$VisuCoreFrameThickness=( 1 )
1
##$VisuCoreUnits=( 2, 65 )
<mm> <mm>
##$VisuCoreOrientation=( 15, 9 )
0.999855611658566 0.01697295588178 -0.000821342506372592 -0.0169928171554226 
0.99868697636257 -0.0483277085005465 0 0.0483346874659034 0.998831195942324 
0.999855611658566 0.01697295588178 -0.000821342506372592 -0.0169928171554226 
0.99868697636257 -0.0483277085005465 0 0.0483346874659034 0.998831195942324 
0.999855611658566 0.01697295588178 -0.000821342506372592 -0.0169928171554226 
0.99868697636257 -0.0483277085005465 0 0.0483346874659034 0.998831195942324 
0.999855611658566 0.01697295588178 -0.000821342506372592 -0.0169928171554226 
0.99868697636257 -0.0483277085005465 0 0.0483346874659034 0.998831195942324 
0.999855611658566 0.01697295588178 -0.000821342506372592 -0.0169928171554226 
0.99868697636257 -0.0483277085005465 0 0.0483346874659034 0.998831195942324 
-0.0141298774173773 0.998714791056738 -0.0486735317053054 0 
-0.0486783913519208 -0.998814504407795 -0.999900168298901 -0.0141131265099806 
0.00068781970267776 -0.0141298774173773 0.998714791056738 -0.0486735317053054 
0 -0.0486783913519208 -0.998814504407795 -0.999900168298901 
-0.0141131265099806 0.00068781970267776 -0.0141298774173773 0.998714791056738 
-0.0486735317053054 0 -0.0486783913519208 -0.998814504407795 
-0.999900168298901 -0.0141131265099806 0.00068781970267776 
-0.0141298774173773 0.998714791056738 -0.0486735317053054 0 
-0.0486783913519208 -0.998814504407795 -0.999900168298901 -0.0141131265099806 
0.00068781970267776 -0.0141298774173773 0.998714791056738 -0.0486735317053054 
0 -0.0486783913519208 -0.998814504407795 -0.999900168298901 
-0.0141131265099806 0.00068781970267776 0.999826318929489 0.0186130034027901 
-0.000942380091517847 0 -0.0505654316887671 -0.998720750319192 
-0.0186368445802707 0.998547291430135 -0.0505566494304605 0.999826318929489 
0.0186130034027901 -0.000942380091517847 0 -0.0505654316887671 
-0.998720750319192 -0.0186368445802707 0.998547291430135 -0.0505566494304605 
0.999826318929489 0.0186130034027901 -0.000942380091517847 0 
-0.0505654316887671 -0.998720750319192 -0.0186368445802707 0.998547291430135 
-0.0505566494304605 0.999826318929489 0.0186130034027901 
-0.000942380091517847 0 -0.0505654316887671 -0.998720750319192 
-0.0186368445802707 0.998547291430135 -0.0505566494304605 0.999826318929489 
0.0186130034027901 -0.000942380091517847 0 -0.0505654316887671 
-0.998720750319192 -0.0186368445802707 0.998547291430135 -0.0505566494304605
##$VisuCorePosition=( 15, 3 )
-12.4445149312893 -13.240470902918 -3.26194264618281 -12.4445149312893 
-13.1438015279862 -1.26428025429816 -12.4445149312893 -13.0471321530544 
0.733382137586489 -12.4445149312893 -12.9504627781226 2.73104452947114 
-12.4445149312893 -12.8537934031908 4.72870692135578 4.30005614091282 
-12.1793324902703 12.910520172603 2.30025580431502 -12.2075587432903 
12.9118958120084 0.300455467717216 -12.2357849963102 12.9132714514138 
-1.69934486888059 -12.2640112493302 12.9146470908191 -3.69914520547839 
-12.2922375023501 12.9160227302245 -12.0116283649397 3.23705451929523 
12.293562532412 -11.9743546757791 1.23995993643496 12.394675831273 
-11.9370809866186 -0.757134646425314 12.4957891301339 -11.8998072974581 
-2.75422922928558 12.5969024289948 -11.8625336082975 -4.75132381214585 
12.6980157278557
##$VisuCoreDataMin=( 15 )
6.08027325378288 4.67400927662563 18.0646756638855 8.96783085039697 
8.03656634233461 17.2963644830181 8.98186347982678 11.4953754095399 
6.35170011680303 8.88282286846805 2.95941740884619 4.08640155055048 
8.01076208618118 20.7131432576037 4.98434044208132
##$VisuCoreDataMax=( 15 )
28818.6438290384 22060.3153080063 22024.1813581885 18031.3821113712 
25146.3428895963 18521.2017092034 24424.5684056913 21992.2208119628 
22157.056101045 20769.4285980533 11205.0142013854 17580.0836662595 32766.5 
20670.4485665413 4444.83065282658
##$VisuCoreDataOffs=( 15 )
0 0 0 0 0 0 0 0 0 0 0 0 0 0 0
##$VisuCoreDataSlope=( 15 )
0.0044671567785531 0.0044671567785531 0.0044671567785531 0.0044671567785531 
0.0044671567785531 0.0044671567785531 0.0044671567785531 0.0044671567785531 
0.0044671567785531 0.0044671567785531 0.0044671567785531 0.0044671567785531 
0.0044671567785531 0.0044671567785531 0.0044671567785531
##$VisuCoreFrameType=( 1 )
MAGNITUDE_IMAGE
##$VisuCoreSlicePacksDef=(0, 3)
##$VisuCoreSlicePacksSlices=( 3 )
(0, 5) (5, 5) (10, 5)
##$VisuCoreSlicePacksSliceDist=( 3 )
2 2 2
##$VisuCoreWordType=_16BIT_SGN_INT
##$VisuCoreByteOrder=littleEndian
##$VisuCoreTransposition=( 15 )
0 0 0 0 0 1 1 1 1 1 1 1 1 1 1
##$VisuFGOrderDescDim=1
##$VisuFGOrderDesc=( 1 )
(15, <FG_SLICE>, <>, 0, 2)
##$VisuGroupDepVals=( 2 )
(<VisuCoreOrientation>, 0) (<VisuCorePosition>, 0)
##$VisuSubjectName=( 65 )
<5704>
##$VisuSubjectId=( 65 )
<5704>
##$VisuSubjectUid=( 65 )
<2.16.756.5.5.100.4219345756.8159.1484665329.263>
##$VisuSubjectInstanceCreationDate=(1484665329, 958, 60)
##$VisuSubjectBirthDate=( 9 )
<20170117>
##$VisuSubjectSex=MALE
##$VisuSubjectType=Quadruped
##$VisuStudyUid=( 65 )
<2.16.756.5.5.100.4219345756.13573.1489757563.147>
##$VisuStudyDate=<2017-03-17T14:32:43,899+0100>
##$VisuStudyId=( 65 )
<ofMpF>
##$VisuStudyNumber=6
##$VisuSubjectWeight=0.0323
##$VisuStudyReferringPhysician=( 65 )
<CHo>
##$VisuStudyDescription=( 2048 )
<\
>
##$VisuExperimentNumber=8
##$VisuProcessingNumber=1
##$VisuSeriesDate=<2017-03-17T14:50:25,750+0100>
##$VisuSubjectPosition=Head_Supine
##$VisuSeriesTypeId=( 65 )
<ACQ_BRUKER_PVM>
##$VisuManufacturer=( 65 )
<Bruker BioSpin MRI GmbH>
##$VisuAcqSoftwareVersion=( 65 )
<6.0>
##$VisuInstitution=( 65 )
<ETH Zuerich>
##$VisuStation=( 65 )
<BioSpec 70/16>
##$VisuAcqDate=<2017-03-17T14:48:15,818+0100>
##$VisuAcqEchoTrainLength=120
##$VisuAcqSequenceName=( 40 )
<Bruker:FLASH>
##$VisuAcqNumberOfAverages=3
##$VisuAcqImagingFrequency=300.326603365483
##$VisuAcqImagedNucleus=( 8 )
<1H>
##$VisuAcqRepetitionTime=( 1 )
15
##$VisuAcqPhaseEncSteps=120
##$VisuAcqPixelBandwidth=339.673913043478
##$VisuAcqFlipAngle=10
##$VisuAcqSize=( 2 )
120 120
##$VisuAcqImageSizeAccellerated=No
##$VisuAcqGradEncoding=( 2 )
read_enc phase_enc
##$VisuAcqEchoTime=( 1 )
4
##$VisuAcquisitionProtocol=( 65 )
<2_Localizer_multi_slice>
##$VisuAcqScanTime=81000
##$VisuAcqAntiAlias=( 2 )
1 1
##$VisuAcqEchoSequenceType=GradientEcho
##$VisuAcqSpinsVelocityEncoded=No
##$VisuAcqHasTimeOfFlightContrast=No
##$VisuAcqIsEpiSequence=No
##$VisuAcqSpectralSuppression=FatSuppression
##$VisuAcqKSpaceTraversal=RectilinearTraversal
##$VisuAcqEncodingOrder=( 2 )
LinearEncoding LinearEncoding
##$VisuAcqKSpaceTrajectoryCnt=1
##$VisuAcqKSpaceFiltering=( 2 )
NO_WDW NO_WDW
##$VisuAcqFlowCompensation=FlowNone
##$VisuAcqSpoiling=GradientSpoiled
##$VisuAcqPartialFourier=( 2 )
1 1
##$VisuAcqParallelReductionFactor=( 2 )
1 1
##$VisuAcqMagnetizationTransfer=No
##$VisuAcqBloodSignalNulling=No
##$VisuCardiacSynchUsed=No
##$VisuRespSynchUsed=No
##END=
