##TITLE=Parameter List, ParaVision 6.0
##JCAMPDX=4.24
##DATATYPE=Parameter Values
##ORIGIN=Bruker BioSpin MRI GmbH
##OWNER=mri
$$ 2017-03-17 16:44:44 +0100  mri@pharmascan70
$$ /opt/PV6.0/data/mri/20170317_155009_5706_1_5/11/visu_pars
$$ process /opt/PV6.0/prog/mod/acq_out
##$VisuVersion=3
##$VisuUid=( 65 )
<2.16.756.5.5.100.9223372038926637916.20263.1489765484.1>
##$VisuCreator=( 65 )
<ParaVision>
##$VisuCreatorVersion=( 65 )
<6.0>
##$VisuCreationDate=<2017-03-17T16:44:44,843+0100>
##$VisuInstanceModality=( 65 )
<MR>
##$VisuCoreFrameCount=30
##$VisuCoreDim=2
##$VisuCoreSize=( 2 )
60 40
##$VisuCoreDimDesc=( 2 )
spatial spatial
##$VisuCoreExtent=( 2 )
13.5 9
##$VisuCoreFrameThickness=( 1 )
0.45
##$VisuCoreUnits=( 2, 65 )
<mm> <mm>
##$VisuCoreOrientation=( 30, 9 )
0.999946435936525 0.010180508660177 -0.00186614609890943 -0.0102772653195019 
0.997991333777543 -0.0625114031395241 0.00122599975325258 0.0625272336533416 
0.998042505094979 0.999946435936525 0.010180508660177 -0.00186614609890943 
-0.0102772653195019 0.997991333777543 -0.0625114031395241 0.00122599975325258 
0.0625272336533416 0.998042505094979 0.999946435936525 0.010180508660177 
-0.00186614609890943 -0.0102772653195019 0.997991333777543 
-0.0625114031395241 0.00122599975325258 0.0625272336533416 0.998042505094979 
0.999946435936525 0.010180508660177 -0.00186614609890943 -0.0102772653195019 
0.997991333777543 -0.0625114031395241 0.00122599975325258 0.0625272336533416 
0.998042505094979 0.999946435936525 0.010180508660177 -0.00186614609890943 
-0.0102772653195019 0.997991333777543 -0.0625114031395241 0.00122599975325258 
0.0625272336533416 0.998042505094979 0.999946435936525 0.010180508660177 
-0.00186614609890943 -0.0102772653195019 0.997991333777543 
-0.0625114031395241 0.00122599975325258 0.0625272336533416 0.998042505094979 
0.999946435936525 0.010180508660177 -0.00186614609890943 -0.0102772653195019 
0.997991333777543 -0.0625114031395241 0.00122599975325258 0.0625272336533416 
0.998042505094979 0.999946435936525 0.010180508660177 -0.00186614609890943 
-0.0102772653195019 0.997991333777543 -0.0625114031395241 0.00122599975325258 
0.0625272336533416 0.998042505094979 0.999946435936525 0.010180508660177 
-0.00186614609890943 -0.0102772653195019 0.997991333777543 
-0.0625114031395241 0.00122599975325258 0.0625272336533416 0.998042505094979 
0.999946435936525 0.010180508660177 -0.00186614609890943 -0.0102772653195019 
0.997991333777543 -0.0625114031395241 0.00122599975325258 0.0625272336533416 
0.998042505094979 0.999946435936525 0.010180508660177 -0.00186614609890943 
-0.0102772653195019 0.997991333777543 -0.0625114031395241 0.00122599975325258 
0.0625272336533416 0.998042505094979 0.999946435936525 0.010180508660177 
-0.00186614609890943 -0.0102772653195019 0.997991333777543 
-0.0625114031395241 0.00122599975325258 0.0625272336533416 0.998042505094979 
0.999946435936525 0.010180508660177 -0.00186614609890943 -0.0102772653195019 
0.997991333777543 -0.0625114031395241 0.00122599975325258 0.0625272336533416 
0.998042505094979 0.999946435936525 0.010180508660177 -0.00186614609890943 
-0.0102772653195019 0.997991333777543 -0.0625114031395241 0.00122599975325258 
0.0625272336533416 0.998042505094979 0.999946435936525 0.010180508660177 
-0.00186614609890943 -0.0102772653195019 0.997991333777543 
-0.0625114031395241 0.00122599975325258 0.0625272336533416 0.998042505094979 
0.999946435936525 0.010180508660177 -0.00186614609890943 -0.0102772653195019 
0.997991333777543 -0.0625114031395241 0.00122599975325258 0.0625272336533416 
0.998042505094979 0.999946435936525 0.010180508660177 -0.00186614609890943 
-0.0102772653195019 0.997991333777543 -0.0625114031395241 0.00122599975325258 
0.0625272336533416 0.998042505094979 0.999946435936525 0.010180508660177 
-0.00186614609890943 -0.0102772653195019 0.997991333777543 
-0.0625114031395241 0.00122599975325258 0.0625272336533416 0.998042505094979 
0.999946435936525 0.010180508660177 -0.00186614609890943 -0.0102772653195019 
0.997991333777543 -0.0625114031395241 0.00122599975325258 0.0625272336533416 
0.998042505094979 0.999946435936525 0.010180508660177 -0.00186614609890943 
-0.0102772653195019 0.997991333777543 -0.0625114031395241 0.00122599975325258 
0.0625272336533416 0.998042505094979 0.999946435936525 0.010180508660177 
-0.00186614609890943 -0.0102772653195019 0.997991333777543 
-0.0625114031395241 0.00122599975325258 0.0625272336533416 0.998042505094979 
0.999946435936525 0.010180508660177 -0.00186614609890943 -0.0102772653195019 
0.997991333777543 -0.0625114031395241 0.00122599975325258 0.0625272336533416 
0.998042505094979 0.999946435936525 0.010180508660177 -0.00186614609890943 
-0.0102772653195019 0.997991333777543 -0.0625114031395241 0.00122599975325258 
0.0625272336533416 0.998042505094979 0.999946435936525 0.010180508660177 
-0.00186614609890943 -0.0102772653195019 0.997991333777543 
-0.0625114031395241 0.00122599975325258 0.0625272336533416 0.998042505094979 
0.999946435936525 0.010180508660177 -0.00186614609890943 -0.0102772653195019 
0.997991333777543 -0.0625114031395241 0.00122599975325258 0.0625272336533416 
0.998042505094979 0.999946435936525 0.010180508660177 -0.00186614609890943 
-0.0102772653195019 0.997991333777543 -0.0625114031395241 0.00122599975325258 
0.0625272336533416 0.998042505094979 0.999946435936525 0.010180508660177 
-0.00186614609890943 -0.0102772653195019 0.997991333777543 
-0.0625114031395241 0.00122599975325258 0.0625272336533416 0.998042505094979 
0.999946435936525 0.010180508660177 -0.00186614609890943 -0.0102772653195019 
0.997991333777543 -0.0625114031395241 0.00122599975325258 0.0625272336533416 
0.998042505094979 0.999946435936525 0.010180508660177 -0.00186614609890943 
-0.0102772653195019 0.997991333777543 -0.0625114031395241 0.00122599975325258 
0.0625272336533416 0.998042505094979 0.999946435936525 0.010180508660177 
-0.00186614609890943 -0.0102772653195019 0.997991333777543 
-0.0625114031395241 0.00122599975325258 0.0625272336533416 0.998042505094979
##$VisuCorePosition=( 30, 3 )
-6.69948907241215 -5.97146812931907 -5.31727047765426 -6.69893737252319 
-5.94333087417507 -4.86815135036152 -6.69838567263422 -5.91519361903107 
-4.41903222306878 -6.69783397274526 -5.88705636388706 -3.96991309577604 
-6.6972822728563 -5.85891910874306 -3.5207939684833 -6.69673057296733 
-5.83078185359905 -3.07167484119056 -6.69617887307837 -5.80264459845505 
-2.62255571389782 -6.69562717318941 -5.77450734331105 -2.17343658660508 
-6.69507547330044 -5.74637008816704 -1.72431745931234 -6.69452377341148 
-5.71823283302304 -1.27519833201959 -6.69397207352251 -5.69009557787904 
-0.826079204726854 -6.69342037363355 -5.66195832273503 -0.376960077434113 
-6.69286867374459 -5.63382106759103 0.0721590498586272 -6.69231697385562 
-5.60568381244703 0.521278177151368 -6.69176527396666 -5.57754655730302 
0.970397304444108 -6.6912135740777 -5.54940930215902 1.41951643173685 
-6.69066187418873 -5.52127204701501 1.86863555902959 -6.69011017429977 
-5.49313479187101 2.31775468632233 -6.6895584744108 -5.46499753672701 
2.76687381361507 -6.68900677452184 -5.436860281583 3.21599294090781 
-6.68845507463288 -5.408723026439 3.66511206820055 -6.68790337474391 
-5.38058577129499 4.11423119549329 -6.68735167485495 -5.35244851615099 
4.56335032278603 -6.68679997496599 -5.32431126100699 5.01246945007877 
-6.68624827507702 -5.29617400586298 5.46158857737151 -6.68569657518806 
-5.26803675071898 5.91070770466426 -6.6851448752991 -5.23989949557498 
6.35982683195699 -6.68459317541013 -5.21176224043097 6.80894595924974 
-6.68404147552117 -5.18362498528697 7.25806508654248 -6.6834897756322 
-5.15548773014297 7.70718421383522
##$VisuCoreDataMin=( 30 )
10.6267293476796 18.2384809237354 4.90012511512615 2.37132216533522 
6.48483043007991 9.09412107862189 0.537873957993239 4.14209867125657 
5.06094554682136 10.7212906132411 2.96068983895487 0.668353412174749 
13.0247014752918 5.17906186475051 8.05654920112577 6.05907049288729 
11.9947573874724 11.3447340495394 13.5437477279179 7.82054230329199 
18.6965473018814 9.58133499896284 8.72087611083079 9.09120017013029 
12.8849131376507 4.77800570291885 3.79631031541778 0.782454295804329 
9.14271419656384 5.23236103684921
##$VisuCoreDataMax=( 30 )
5221.45592976141 5044.18199666836 6987.91033794746 7025.94899552765 8191.625 
6549.08809952075 7353.89422545566 6660.96277864675 7287.15331652985 
6229.49903059804 6328.03984878465 5793.90826767375 6867.8965259373 
5731.11768188857 6285.12852387724 6012.60533582236 6627.84132834927 
5765.31159614195 6589.88665705441 5548.77580281682 6408.40863191153 
5445.31561232602 5933.38717187943 4715.38008621397 5602.61148370201 
4146.75168827097 5286.11180034953 4621.49768962244 4625.63547226182 
4952.03104093488
##$VisuCoreDataOffs=( 30 )
0 0 0 0 0 0 0 0 0 0 0 0 0 0 0 0 0 0 0 0 0 0 0 0 0 0 0 0 0 0
##$VisuCoreDataSlope=( 30 )
0.0201868750347279 0.0201868750347279 0.0201868750347279 0.0201868750347279 
0.0201868750347279 0.0201868750347279 0.0201868750347279 0.0201868750347279 
0.0201868750347279 0.0201868750347279 0.0201868750347279 0.0201868750347279 
0.0201868750347279 0.0201868750347279 0.0201868750347279 0.0201868750347279 
0.0201868750347279 0.0201868750347279 0.0201868750347279 0.0201868750347279 
0.0201868750347279 0.0201868750347279 0.0201868750347279 0.0201868750347279 
0.0201868750347279 0.0201868750347279 0.0201868750347279 0.0201868750347279 
0.0201868750347279 0.0201868750347279
##$VisuCoreFrameType=( 1 )
MAGNITUDE_IMAGE
##$VisuCoreSlicePacksDef=(0, 1)
##$VisuCoreSlicePacksSlices=( 1 )
(0, 30)
##$VisuCoreSlicePacksSliceDist=( 1 )
0.45
##$VisuCoreWordType=_16BIT_SGN_INT
##$VisuCoreByteOrder=littleEndian
##$VisuFGOrderDescDim=1
##$VisuFGOrderDesc=( 1 )
(30, <FG_SLICE>, <>, 0, 2)
##$VisuGroupDepVals=( 2 )
(<VisuCoreOrientation>, 0) (<VisuCorePosition>, 0)
##$VisuSubjectName=( 65 )
<5706>
##$VisuSubjectId=( 65 )
<5706>
##$VisuSubjectUid=( 65 )
<2.16.756.5.5.100.4219345756.8159.1484670286.495>
##$VisuSubjectInstanceCreationDate=(1484670286, 359, 60)
##$VisuSubjectBirthDate=( 9 )
<20170117>
##$VisuSubjectSex=MALE
##$VisuSubjectType=Quadruped
##$VisuStudyUid=( 65 )
<2.16.756.5.5.100.4219345756.13573.1489762209.460>
##$VisuStudyDate=<2017-03-17T15:50:09,266+0100>
##$VisuStudyId=( 65 )
<ofMpF>
##$VisuStudyNumber=5
##$VisuSubjectWeight=0.03
##$VisuStudyReferringPhysician=( 65 )
<CHo>
##$VisuStudyDescription=( 2048 )
<\
>
##$VisuExperimentNumber=11
##$VisuProcessingNumber=1
##$VisuSeriesDate=<2017-03-17T16:44:44,843+0100>
##$VisuSubjectPosition=Head_Supine
##$VisuSeriesTypeId=( 65 )
<ACQ_BRUKER_PVM>
##$VisuManufacturer=( 65 )
<Bruker BioSpin MRI GmbH>
##$VisuAcqSoftwareVersion=( 65 )
<6.0>
##$VisuInstitution=( 65 )
<ETH Zuerich>
##$VisuStation=( 65 )
<BioSpec 70/16>
##$VisuAcqDate=<2017-03-17T16:44:38,602+0100>
##$VisuAcqEchoTrainLength=29
##$VisuAcqSequenceName=( 40 )
<Bruker:EPI>
##$VisuAcqNumberOfAverages=1
##$VisuAcqImagingFrequency=300.328627642126
##$VisuAcqImagedNucleus=( 8 )
<1H>
##$VisuAcqRepetitionTime=( 1 )
1000
##$VisuAcqPhaseEncSteps=29
##$VisuAcqPixelBandwidth=4166.66666666667
##$VisuAcqFlipAngle=90
##$VisuAcqSize=( 2 )
60 29
##$VisuAcqImageSizeAccellerated=Yes
##$VisuAcqGradEncoding=( 2 )
read_enc phase_enc
##$VisuAcqEchoTime=( 1 )
5.913
##$VisuAcquisitionProtocol=( 65 )
<3_ssEPI_CBV>
##$VisuAcqScanTime=1000
##$VisuAcqAntiAlias=( 2 )
1 1
##$VisuAcqEchoSequenceType=Both
##$VisuAcqSpinsVelocityEncoded=No
##$VisuAcqHasTimeOfFlightContrast=No
##$VisuAcqIsEpiSequence=Yes
##$VisuAcqSpectralSuppression=NoSuppression
##$VisuAcqKSpaceTraversal=RectilinearTraversal
##$VisuAcqEncodingOrder=( 2 )
LinearEncoding LinearEncoding
##$VisuAcqKSpaceTrajectoryCnt=1
##$VisuAcqKSpaceFiltering=( 2 )
NO_WDW NO_WDW
##$VisuAcqFlowCompensation=FlowNone
##$VisuAcqSpoiling=GradientSpoiled
##$VisuAcqSaturation=( 1 )
(FovSaturation, 6, 0.00770212657969371 -0.998010329121009 0.0625784324981539, 
-0.0503054253437689 6.5183730213252 -0.408722789945521)
##$VisuAcqPartialFourier=( 2 )
1 1.4
##$VisuAcqParallelReductionFactor=( 2 )
1 1
##$VisuAcqMagnetizationTransfer=No
##$VisuAcqBloodSignalNulling=No
##$VisuCardiacSynchUsed=No
##$VisuRespSynchUsed=No
##END=
