##TITLE=Parameter List, ParaVision 6.0
##JCAMPDX=4.24
##DATATYPE=Parameter Values
##ORIGIN=Bruker BioSpin MRI GmbH
##OWNER=mri
$$ 2017-03-17 14:59:41 +0100  mri@pharmascan70
$$ /opt/PV6.0/data/mri/20170317_143243_5704_1_6/11/acqp
$$ process /opt/PV6.0/prog/mod/acq_out
##$PULPROG=( 32 )
<RARE.ppg>
##$GRDPROG=( 16 )
<>
##$ACQ_experiment_mode=SingleExperiment
##$ACQ_PexSelect=0
##$ACQ_load_shim_set_list=No
##$ACQ_user_filter=No
$$ @vis= PULPROG GRDPROG ACQ_experiment_mode ACQ_load_shim_set_list
##$ACQ_DS_enabled=Yes
##$ACQ_switch_pll_enabled=No
##$ACQ_preload=0
##$ACQ_branch_preload=( 10, 2 )
1000000 1000000 1000000 1000000 1000000 1000000 1000000 1000000 1000000 
1000000 1000000 1000000 1000000 1000000 1000000 1000000 1000000 1000000 500 
500
$$ @vis= ACQ_user_filter ACQ_DS_enabled ACQ_switch_pll_enabled ACQ_preload
##$ACQ_jobs_size=0
##$ACQ_jobs=( 1 )
(0, 1, 0, 1, 64, 100, 0, 0)
##$ACQ_dim=2
##$ACQ_dim_desc=( 2 )
Spatial Spatial
##$ACQ_size=( 2 )
360 120
##$ACQ_ns_list_size=1
$$ @vis= ACQ_branch_preload ACQ_jobs_size ACQ_dim ACQ_dim_desc ACQ_size
##$ACQ_ns=1
##$ACQ_ns_list=( 1 )
1
##$ACQ_phase_factor=8
##$ACQ_scan_size=One_scan
##$NI=30
$$ @vis= ACQ_ns_list_size ACQ_ns ACQ_ns_list ACQ_phase_factor ACQ_scan_size
##$NA=1
##$NAE=8
##$NR=1
##$DS=2
##$D=( 64 )
0.0119818095238095 0.00012 0.001337 0.000143 0 0.000587 0.00012 0 2.5e-05 
0.000715 1e-05 0.001337 0 0 0 0 0 0 0 0 0 0 0 0 0 0 0 0 0 0 0 0 0 0 0 0 0 0 0 
0 0 0 0 0 0 0 0 0 0 0 0 0 0 0 0 0 0 0 0 0 0 0 0 0
##$P=( 64 )
2100 1700 0 0 0 0 0 0 0 0 0 0 0 0 0 0 0 0 0 0 0 0 0 0 0 0 0 0 0 0 0 0 0 0 0 0 
0 0 0 0 0 0 0 0 0 0 0 0 0 0 0 0 0 0 0 0 0 0 0 0 0 0 0 0
##$PLW=( 64 )
0 0 0 0 0 0 0 0 0 0 0 0 0 0 0 0 0 0 0 0 0 0 0 0 0 0 0 0 0 0 0 0 0 0 0 0 0 0 0 
0 0 0 0 0 0 0 0 0 0 0 0 0 0 0 0 0 0 0 0 0 0 0 0 0
##$SPPEX=( 64 )
0 0 0 0 0 0 0 0 0 0 0 0 0 0 0 0 0 0 0 0 0 0 0 0 0 0 0 0 0 0 0 0 0 0 0 0 0 0 0 
0 0 0 0 0 0 0 0 0 0 0 0 0 0 0 0 0 0 0 0 0 0 0 0 0
##$ACQ_RfShapes=( 64 )
(<$ExcPulse1Shape>, 0.0479288075949941, 0, 0.5, 0, 100 100 100 100 100 100 
100 100, 0 0 0 0 0 0 0 0) (<$RefPulse1Shape>, 0.573446620727622, 0, 0, 0, 100 
100 100 100 100 100 100 100, 0 0 0 0 0 0 0 0) (<>, 0, 0, 0.5, 0, 0 0 0 0 0 0 
0 0, 0 0 0 0 0 0 0 0) (<>, 0, 0, 0.5, 0, 0 0 0 0 0 0 0 0, 0 0 0 0 0 0 0 0) (<>
, 0, 0, 0.5, 0, 0 0 0 0 0 0 0 0, 0 0 0 0 0 0 0 0) (<>, 0, 0, 0.5, 0, 0 0 0 0 
0 0 0 0, 0 0 0 0 0 0 0 0) (<>, 0, 0, 0.5, 0, 0 0 0 0 0 0 0 0, 0 0 0 0 0 0 0 0)
 (<>, 0, 0, 0.5, 0, 0 0 0 0 0 0 0 0, 0 0 0 0 0 0 0 0) (<>, 0, 0, 0.5, 0, 0 0 
0 0 0 0 0 0, 0 0 0 0 0 0 0 0) (<>, 0, 0, 0.5, 0, 0 0 0 0 0 0 0 0, 0 0 0 0 0 0 
0 0) (<>, 0, 0, 0.5, 0, 0 0 0 0 0 0 0 0, 0 0 0 0 0 0 0 0) (<>, 0, 0, 0.5, 0, 
0 0 0 0 0 0 0 0, 0 0 0 0 0 0 0 0) (<>, 0, 0, 0.5, 0, 0 0 0 0 0 0 0 0, 0 0 0 0 
0 0 0 0) (<>, 0, 0, 0.5, 0, 0 0 0 0 0 0 0 0, 0 0 0 0 0 0 0 0) (<>, 0, 0, 0.5, 
0, 0 0 0 0 0 0 0 0, 0 0 0 0 0 0 0 0) (<>, 0, 0, 0.5, 0, 0 0 0 0 0 0 0 0, 0 0 
0 0 0 0 0 0) (<>, 0, 0, 0.5, 0, 0 0 0 0 0 0 0 0, 0 0 0 0 0 0 0 0) (<>, 0, 0, 
0.5, 0, 0 0 0 0 0 0 0 0, 0 0 0 0 0 0 0 0) (<>, 0, 0, 0.5, 0, 0 0 0 0 0 0 0 0, 
0 0 0 0 0 0 0 0) (<>, 0, 0, 0.5, 0, 0 0 0 0 0 0 0 0, 0 0 0 0 0 0 0 0) (<>, 0, 
0, 0.5, 0, 0 0 0 0 0 0 0 0, 0 0 0 0 0 0 0 0) (<>, 0, 0, 0.5, 0, 0 0 0 0 0 0 0 
0, 0 0 0 0 0 0 0 0) (<>, 0, 0, 0.5, 0, 0 0 0 0 0 0 0 0, 0 0 0 0 0 0 0 0) (<>, 
0, 0, 0.5, 0, 0 0 0 0 0 0 0 0, 0 0 0 0 0 0 0 0) (<>, 0, 0, 0.5, 0, 0 0 0 0 0 
0 0 0, 0 0 0 0 0 0 0 0) (<>, 0, 0, 0.5, 0, 0 0 0 0 0 0 0 0, 0 0 0 0 0 0 0 0) 
(<>, 0, 0, 0.5, 0, 0 0 0 0 0 0 0 0, 0 0 0 0 0 0 0 0) (<>, 0, 0, 0.5, 0, 0 0 0 
0 0 0 0 0, 0 0 0 0 0 0 0 0) (<>, 0, 0, 0.5, 0, 0 0 0 0 0 0 0 0, 0 0 0 0 0 0 0 
0) (<>, 0, 0, 0.5, 0, 0 0 0 0 0 0 0 0, 0 0 0 0 0 0 0 0) (<>, 0, 0, 0.5, 0, 0 
0 0 0 0 0 0 0, 0 0 0 0 0 0 0 0) (<>, 0, 0, 0.5, 0, 0 0 0 0 0 0 0 0, 0 0 0 0 0 
0 0 0) (<>, 0, 0, 0.5, 0, 0 0 0 0 0 0 0 0, 0 0 0 0 0 0 0 0) (<>, 0, 0, 0.5, 0,
 0 0 0 0 0 0 0 0, 0 0 0 0 0 0 0 0) (<>, 0, 0, 0.5, 0, 0 0 0 0 0 0 0 0, 0 0 0 
0 0 0 0 0) (<>, 0, 0, 0.5, 0, 0 0 0 0 0 0 0 0, 0 0 0 0 0 0 0 0) (<>, 0, 0, 
0.5, 0, 0 0 0 0 0 0 0 0, 0 0 0 0 0 0 0 0) (<>, 0, 0, 0.5, 0, 0 0 0 0 0 0 0 0, 
0 0 0 0 0 0 0 0) (<>, 0, 0, 0.5, 0, 0 0 0 0 0 0 0 0, 0 0 0 0 0 0 0 0) (<>, 0, 
0, 0.5, 0, 0 0 0 0 0 0 0 0, 0 0 0 0 0 0 0 0) (<gauss512.exc>, 
0.0100474172720286, 0, 0.5, 0, 100 100 100 100 100 100 100 100, 0 0 0 0 0 0 0 
0) (<$PVM_FovSatPulShape>, 0.339170408841957, 0, 0.5, 0, 100 100 100 100 100 
100 100 100, 0 0 0 0 0 0 0 0) (<$PVM_SelIrPulShape>, 0.559255199858218, 0, 0, 
0, 100 100 100 100 100 100 100 100, 0 0 0 0 0 0 0 0) (<>, 0, 0, 0.5, 0, 0 0 0 
0 0 0 0 0, 0 0 0 0 0 0 0 0) (<$PVM_FlowSatPulShape>, 0.339170408841957, 0, 
0.5, 0, 100 100 100 100 100 100 100 100, 0 0 0 0 0 0 0 0) (<bp.exc>, 
0.294684405621535, 0, 0.5, 0, 100 100 100 100 100 100 100 100, 0 0 0 0 0 0 0 
0) (<$PVM_BlBloodPulShape>, 0.559255199858218, 0, 0, 0, 100 100 100 100 100 
100 100 100, 0 0 0 0 0 0 0 0) (<>, 0, 0, 0.5, 0, 0 0 0 0 0 0 0 0, 0 0 0 0 0 0 
0 0) (<>, 0, 0, 0.5, 0, 0 0 0 0 0 0 0 0, 0 0 0 0 0 0 0 0) (<>, 0, 0, 0.5, 0, 
0 0 0 0 0 0 0 0, 0 0 0 0 0 0 0 0) (<>, 0, 0, 0.5, 0, 0 0 0 0 0 0 0 0, 0 0 0 0 
0 0 0 0) (<>, 0, 0, 0.5, 0, 0 0 0 0 0 0 0 0, 0 0 0 0 0 0 0 0) (<>, 0, 0, 0.5, 
0, 0 0 0 0 0 0 0 0, 0 0 0 0 0 0 0 0) (<>, 0, 0, 0.5, 0, 0 0 0 0 0 0 0 0, 0 0 
0 0 0 0 0 0) (<>, 0, 0, 0.5, 0, 0 0 0 0 0 0 0 0, 0 0 0 0 0 0 0 0) (<>, 0, 0, 
0.5, 0, 0 0 0 0 0 0 0 0, 0 0 0 0 0 0 0 0) (<>, 0, 0, 0.5, 0, 0 0 0 0 0 0 0 0, 
0 0 0 0 0 0 0 0) (<>, 0, 0, 0.5, 0, 0 0 0 0 0 0 0 0, 0 0 0 0 0 0 0 0) (<>, 0, 
0, 0.5, 0, 0 0 0 0 0 0 0 0, 0 0 0 0 0 0 0 0) (<>, 0, 0, 0.5, 0, 0 0 0 0 0 0 0 
0, 0 0 0 0 0 0 0 0) (<>, 0, 0, 0.5, 0, 0 0 0 0 0 0 0 0, 0 0 0 0 0 0 0 0) (<>, 
0, 0, 0.5, 0, 0 0 0 0 0 0 0 0, 0 0 0 0 0 0 0 0) (<>, 0, 0, 0.5, 0, 0 0 0 0 0 
0 0 0, 0 0 0 0 0 0 0 0) (<>, 0, 0, 0.5, 0, 0 0 0 0 0 0 0 0, 0 0 0 0 0 0 0 0)
##$SW_h=50000
##$SW=166.484213298744
##$FW=0
##$RG=101
##$AQ_mod=qdig
##$DR=21
##$PAPS=QP
##$PH_ref=0
$$ @vis= NI NA NAE NR DS D P PLW ACQ_RfShapes SW_h SW RG AQ_mod DR PAPS
##$BF1=300.328775979969
##$SFO1=300.328775979969
##$O1=0
##$ACQ_O1_list_size=30
##$ACQ_O1_list=( 30 )
-31280.5970241854 -27280.5970241854 -23280.5970241854 -19280.5970241854 
-15280.5970241854 -11280.5970241854 -7280.5970241854 -3280.5970241854 
719.402975814596 4719.4029758146 8719.4029758146 12719.4029758146 
16719.4029758146 20719.4029758146 24719.4029758146 -29280.5970241854 
-25280.5970241854 -21280.5970241854 -17280.5970241854 -13280.5970241854 
-9280.5970241854 -5280.5970241854 -1280.5970241854 2719.4029758146 
6719.4029758146 10719.4029758146 14719.4029758146 18719.4029758146 
22719.4029758146 26719.4029758146
##$ACQ_O1B_list_size=30
##$ACQ_O1B_list=( 30 )
2.24772741190184e-13 2.24772741190184e-13 2.24772741190184e-13 
2.24772741190184e-13 2.24772741190184e-13 2.24772741190184e-13 
2.24772741190184e-13 2.24772741190184e-13 2.24772741190184e-13 
2.24772741190184e-13 2.24772741190184e-13 2.24772741190184e-13 
2.24772741190184e-13 2.24772741190184e-13 2.24772741190184e-13 
2.24772741190184e-13 2.24772741190184e-13 2.24772741190184e-13 
2.24772741190184e-13 2.24772741190184e-13 2.24772741190184e-13 
2.24772741190184e-13 2.24772741190184e-13 2.24772741190184e-13 
2.24772741190184e-13 2.24772741190184e-13 2.24772741190184e-13 
2.24772741190184e-13 2.24772741190184e-13 2.24772741190184e-13
$$ @vis= PH_ref BF1 SFO1 O1 ACQ_O1_list_size ACQ_O1_list ACQ_O1B_list_size
##$BF2=300.325
##$SFO2=300.325
##$O2=0
##$ACQ_O2_list_size=1
##$ACQ_O2_list=( 1 )
0
##$BF3=300.325
##$SFO3=300.325
##$O3=0
##$ACQ_O3_list_size=1
$$ @vis= ACQ_O1B_list BF2 SFO2 O2 ACQ_O2_list_size ACQ_O2_list BF3 SFO3 O3
##$ACQ_O3_list=( 1 )
0
##$BF4=300.325
##$SFO4=300.325
##$O4=0
##$BF5=300.325
##$SFO5=300.325
##$O5=0
##$BF6=300.325
##$SFO6=300.325
##$O6=0
##$BF7=300.325
##$SFO7=300.325
$$ @vis= ACQ_O3_list_size ACQ_O3_list BF4 SFO4 O4 BF5 SFO5 O5 BF6 SFO6 O6 BF7
##$O7=0
##$BF8=300.325
##$SFO8=300.325
##$O8=0
##$NUC1=( 8 )
<1H>
##$NUC2=( 8 )
<off>
##$NUC3=( 8 )
<off>
##$NUC4=( 8 )
<off>
##$NUC5=( 8 )
<off>
##$NUC6=( 8 )
<off>
##$NUC7=( 8 )
<off>
##$NUC8=( 8 )
<off>
##$NUCLEUS=( 8 )
<1H>
##$ACQ_Routing=RouteDefinedByCoil
##$L=( 32 )
0 16 15 0 0 0 0 0 0 0 0 0 0 0 0 0 0 0 0 0 0 0 0 0 0 0 0 0 0 0 0 0
$$ @vis= SFO7 O7 BF8 SFO8 O8 NUC1 NUC2 NUC3 NUC4 NUC5 NUC6 NUC7 NUC8 NUCLEUS
##$ACQ_vd_list_size=1
##$ACQ_vd_list=( 1 )
1e-06
##$ACQ_vp_list_size=1
##$ACQ_vp_list=( 1 )
1e-06
##$ACQ_protocol_name=( 64 )
<acq-TurboRARE>
$$ @vis= L ACQ_vd_list_size ACQ_vd_list ACQ_vp_list_size ACQ_vp_list
##$ACQ_scan_name=( 64 )
<acq-TurboRARE>
##$ACQ_method=( 40 )
<Bruker:RARE>
##$ACQ_completed=Yes
##$ACQ_pipe_status=Wrapup
$$ @vis= ACQ_protocol_name ACQ_scan_name ACQ_method ACQ_completed
##$ACQ_scans_completed=0
##$ACQ_nr_completed=1
##$ACQ_total_completed=3600
$$ @vis= ACQ_pipe_status ACQ_scans_completed ACQ_nr_completed
##$ACQ_word_size=_32_BIT
##$NECHOES=8
##$ACQ_n_echo_images=1
##$ACQ_n_movie_frames=1
$$ @vis= ACQ_total_completed ACQ_word_size NECHOES ACQ_n_echo_images
##$ACQ_echo_descr=( 1, 20 )
<>
##$ACQ_movie_descr=( 1, 20 )
<>
##$ACQ_fov=( 2 )
1.35 0.9
##$ACQ_read_ext=1
$$ @vis= ACQ_n_movie_frames ACQ_echo_descr ACQ_movie_descr ACQ_fov
##$ACQ_slice_angle=( 1 )
3.5855750728291
##$ACQ_slice_orient=Arbitrary_Oblique
##$ACQ_patient_pos=Head_Supine
##$ACQ_read_offset=( 30 )
6.06886401213497e-17 6.06886401213497e-17 6.06886401213497e-17 
6.06886401213497e-17 6.06886401213497e-17 6.06886401213497e-17 
6.06886401213497e-17 6.06886401213497e-17 6.06886401213497e-17 
6.06886401213497e-17 6.06886401213497e-17 6.06886401213497e-17 
6.06886401213497e-17 6.06886401213497e-17 6.06886401213497e-17 
6.06886401213497e-17 6.06886401213497e-17 6.06886401213497e-17 
6.06886401213497e-17 6.06886401213497e-17 6.06886401213497e-17 
6.06886401213497e-17 6.06886401213497e-17 6.06886401213497e-17 
6.06886401213497e-17 6.06886401213497e-17 6.06886401213497e-17 
6.06886401213497e-17 6.06886401213497e-17 6.06886401213497e-17
$$ @vis= ACQ_read_ext ACQ_slice_angle ACQ_slice_orient ACQ_patient_pos
##$ACQ_phase1_offset=( 30 )
1.24060198533894 1.24060198533894 1.24060198533894 1.24060198533894 
1.24060198533894 1.24060198533894 1.24060198533894 1.24060198533894 
1.24060198533894 1.24060198533894 1.24060198533894 1.24060198533894 
1.24060198533894 1.24060198533894 1.24060198533894 1.24060198533894 
1.24060198533894 1.24060198533894 1.24060198533894 1.24060198533894 
1.24060198533894 1.24060198533894 1.24060198533894 1.24060198533894 
1.24060198533894 1.24060198533894 1.24060198533894 1.24060198533894 
1.24060198533894 1.24060198533894
##$ACQ_phase2_offset=( 30 )
0 0 0 0 0 0 0 0 0 0 0 0 0 0 0 0 0 0 0 0 0 0 0 0 0 0 0 0 0 0
##$ACQ_slice_sepn=( 1 )
0.45
##$ACQ_slice_sepn_mode=Contiguous
$$ @vis= ACQ_read_offset ACQ_phase1_offset ACQ_phase2_offset ACQ_slice_sepn
##$ACQ_slice_thick=0.45
##$ACQ_slice_offset=( 30 )
-7.03813433044172 -6.58813433044172 -6.13813433044172 -5.68813433044172 
-5.23813433044172 -4.78813433044172 -4.33813433044172 -3.88813433044172 
-3.43813433044172 -2.98813433044172 -2.53813433044172 -2.08813433044172 
-1.63813433044172 -1.18813433044172 -0.738134330441716 -0.288134330441716 
0.161865669558284 0.611865669558284 1.06186566955828 1.51186566955828 
1.96186566955828 2.41186566955828 2.86186566955828 3.31186566955828 
3.76186566955828 4.21186566955828 4.66186566955828 5.11186566955828 
5.56186566955828 6.01186566955828
##$ACQ_obj_order=( 30 )
0 2 4 6 8 10 12 14 16 18 20 22 24 26 28 1 3 5 7 9 11 13 15 17 19 21 23 25 27 
29
##$ACQ_flip_angle=90
$$ @vis= ACQ_slice_sepn_mode ACQ_slice_thick ACQ_slice_offset ACQ_obj_order
##$ACQ_flipback=No
##$ACQ_echo_time=( 1 )
21
##$ACQ_inter_echo_time=( 1 )
7
##$ACQ_recov_time=( 1 )
2447.5
$$ @vis= ACQ_flip_angle ACQ_flipback ACQ_echo_time ACQ_inter_echo_time
##$ACQ_repetition_time=( 1 )
2500
##$ACQ_scan_time=0
##$ACQ_temporal_delay=( 1 )
0
##$ACQ_time=<2017-03-17T14:54:31,264+0100>
$$ @vis= ACQ_recov_time ACQ_repetition_time ACQ_scan_time ACQ_temporal_delay
##$ACQ_time_points=( 1 )
0
##$ACQ_abs_time=(1489758871, 264, 60)
##$ACQ_operator=( 16 )
<mri>
##$ACQ_RF_power=0
##$ACQ_transmitter_coil=( 16 )
<>
$$ @vis= ACQ_time ACQ_time_points ACQ_abs_time ACQ_operator ACQ_RF_power
##$ACQ_contrast_agent=( 20 )
<>
##$ACQ_trigger_enable=No
##$ACQ_institution=( 48 )
<ETH Zuerich>
$$ @vis= ACQ_transmitter_coil ACQ_contrast_agent ACQ_trigger_enable
##$ACQ_station=( 64 )
<BioSpec 70/16>
##$ACQ_sw_version=( 65 )
<PV 6.0>
##$ACQ_grad_str_X=0
##$ACQ_grad_str_Y=0
$$ @vis= ACQ_institution ACQ_station ACQ_sw_version ACQ_grad_str_X
##$ACQ_grad_str_Z=0
##$ACQ_position_X=0
##$ACQ_position_Y=0
##$ACQ_position_Z=0
$$ @vis= ACQ_grad_str_Y ACQ_grad_str_Z ACQ_position_X ACQ_position_Y
##$BYTORDA=little
##$INSTRUM=( 64 )
<spect>
##$ACQ_adc_overflow=( 4 )
No No No No
##$GRPDLY=67.9937744140625
##$FRQLO3=0
##$ACQ_CalibratedRG=( 4, 1 )
0 31.66 0 0
$$ @vis= ACQ_position_Z BYTORDA INSTRUM ACQ_adc_overflow GRPDLY FRQLO3
##$FQ1LIST=( 16 )
<ACQ_O1_list>
##$FQ2LIST=( 16 )
<ACQ_O2_list>
##$FQ3LIST=( 16 )
<ACQ_O3_list>
##$FQ8LIST=( 16 )
<ACQ_O1B_list>
##$SPW=( 64 )
0.0479288075949941 0.573446620727622 0 0 0 0 0 0 0 0 0 0 0 0 0 0 0 0 0 0 0 0 
0 0 0 0 0 0 0 0 0 0 0 0 0 0 0 0 0 0 0.0100474172720286 0.339170408841957 
0.559255199858218 0 0.339170408841957 0.294684405621535 0.559255199858218 0 0 
0 0 0 0 0 0 0 0 0 0 0 0 0 0 0
##$SPOAL=( 64 )
0.5 0 0.5 0.5 0.5 0.5 0.5 0.5 0.5 0.5 0.5 0.5 0.5 0.5 0.5 0.5 0.5 0.5 0.5 0.5 
0.5 0.5 0.5 0.5 0.5 0.5 0.5 0.5 0.5 0.5 0.5 0.5 0.5 0.5 0.5 0.5 0.5 0.5 0.5 
0.5 0.5 0.5 0 0.5 0.5 0.5 0 0.5 0.5 0.5 0.5 0.5 0.5 0.5 0.5 0.5 0.5 0.5 0.5 
0.5 0.5 0.5 0.5 0.5
##$SPOFFS=( 64 )
0 0 0 0 0 0 0 0 0 0 0 0 0 0 0 0 0 0 0 0 0 0 0 0 0 0 0 0 0 0 0 0 0 0 0 0 0 0 0 
0 0 0 0 0 0 0 0 0 0 0 0 0 0 0 0 0 0 0 0 0 0 0 0 0
$$ @vis= ACQ_CalibratedRG ACQ_INFO FQ1LIST FQ2LIST FQ3LIST FQ8LIST SPW SPOAL
##$SPNAM0=( 64 )
<$ExcPulse1Shape>
##$SPNAM1=( 64 )
<$RefPulse1Shape>
##$SPNAM2=( 64 )
<>
##$SPNAM3=( 64 )
<>
##$SPNAM4=( 64 )
<>
##$SPNAM5=( 64 )
<>
##$SPNAM6=( 64 )
<>
##$SPNAM7=( 64 )
<>
##$SPNAM8=( 64 )
<>
$$ @vis= SPOFFS SPNAM0 SPNAM1 SPNAM2 SPNAM3 SPNAM4 SPNAM5 SPNAM6 SPNAM7
##$SPNAM9=( 64 )
<>
##$SPNAM10=( 64 )
<>
##$SPNAM11=( 64 )
<>
##$SPNAM12=( 64 )
<>
##$SPNAM13=( 64 )
<>
##$SPNAM14=( 64 )
<>
##$SPNAM15=( 64 )
<>
##$SPNAM16=( 64 )
<>
$$ @vis= SPNAM8 SPNAM9 SPNAM10 SPNAM11 SPNAM12 SPNAM13 SPNAM14 SPNAM15
##$SPNAM17=( 64 )
<>
##$SPNAM18=( 64 )
<>
##$SPNAM19=( 64 )
<>
##$SPNAM20=( 64 )
<>
##$SPNAM21=( 64 )
<>
##$SPNAM22=( 64 )
<>
##$SPNAM23=( 64 )
<>
##$SPNAM24=( 64 )
<>
$$ @vis= SPNAM16 SPNAM17 SPNAM18 SPNAM19 SPNAM20 SPNAM21 SPNAM22 SPNAM23
##$SPNAM25=( 64 )
<>
##$SPNAM26=( 64 )
<>
##$SPNAM27=( 64 )
<>
##$SPNAM28=( 64 )
<>
##$SPNAM29=( 64 )
<>
##$SPNAM30=( 64 )
<>
##$SPNAM31=( 64 )
<>
##$SPNAM32=( 64 )
<>
$$ @vis= SPNAM24 SPNAM25 SPNAM26 SPNAM27 SPNAM28 SPNAM29 SPNAM30 SPNAM31
##$SPNAM33=( 64 )
<>
##$SPNAM34=( 64 )
<>
##$SPNAM35=( 64 )
<>
##$SPNAM36=( 64 )
<>
##$SPNAM37=( 64 )
<>
##$SPNAM38=( 64 )
<>
##$SPNAM39=( 64 )
<>
##$SPNAM40=( 64 )
<gauss512.exc>
$$ @vis= SPNAM32 SPNAM33 SPNAM34 SPNAM35 SPNAM36 SPNAM37 SPNAM38 SPNAM39
##$SPNAM41=( 64 )
<$PVM_FovSatPulShape>
##$SPNAM42=( 64 )
<$PVM_SelIrPulShape>
##$SPNAM43=( 64 )
<>
##$SPNAM44=( 64 )
<$PVM_FlowSatPulShape>
##$SPNAM45=( 64 )
<bp.exc>
##$SPNAM46=( 64 )
<$PVM_BlBloodPulShape>
##$SPNAM47=( 64 )
<>
##$SPNAM48=( 64 )
<>
$$ @vis= SPNAM40 SPNAM41 SPNAM42 SPNAM43 SPNAM44 SPNAM45 SPNAM46 SPNAM47
##$SPNAM49=( 64 )
<>
##$SPNAM50=( 64 )
<>
##$SPNAM51=( 64 )
<>
##$SPNAM52=( 64 )
<>
##$SPNAM53=( 64 )
<>
##$SPNAM54=( 64 )
<>
##$SPNAM55=( 64 )
<>
##$SPNAM56=( 64 )
<>
$$ @vis= SPNAM48 SPNAM49 SPNAM50 SPNAM51 SPNAM52 SPNAM53 SPNAM54 SPNAM55
##$SPNAM57=( 64 )
<>
##$SPNAM58=( 64 )
<>
##$SPNAM59=( 64 )
<>
##$SPNAM60=( 64 )
<>
##$SPNAM61=( 64 )
<>
##$SPNAM62=( 64 )
<>
##$SPNAM63=( 64 )
<>
$$ @vis= SPNAM56 SPNAM57 SPNAM58 SPNAM59 SPNAM60 SPNAM61 SPNAM62 SPNAM63
##$HPPRGN=normal
##$LOCNUC=( 8 )
<off>
##$QNP=1
##$SOLVENT=( 16 )
<>
##$DIGMOD=digital_mode
##$DIGTYP=DRU
##$DQDMODE=DQDMODE_add
##$DSPFIRM=DSP_standard
$$ @vis= SPNAMES HPPRGN LOCNUC QNP SOLVENT HIRES DIGMOD DIGTYP DQDMODE
##$DECIM=400
##$DSPFVS=20
##$ACQ_scan_shift=-136
##$DEOSC=4267
##$DE=6
##$HDDUTY=20
##$HDRATE=1
$$ @vis= DSPFIRM DECIM DSPFVS ACQ_scan_shift DEOSC DE HDDUTY HDRATE
##$ACQ_n_trim=1
##$ACQ_scaling_read=1
##$ACQ_scaling_phase=1
$$ @vis= AVANCE_PARS ACQ_n_trim ACQ_trim_values ACQ_scaling_read
##$ACQ_scaling_slice=1
##$ACQ_grad_matrix_size=30
##$ACQ_grad_matrix=( 30, 3, 3 )
0.999946435936525 0.010180508660177 0.00186614609890943 -0.0102772653195019 
0.997991333777543 0.0625114031395241 -0.00122599975325258 -0.0625272336533416 
0.998042505094979 0.999946435936525 0.010180508660177 0.00186614609890943 
-0.0102772653195019 0.997991333777543 0.0625114031395241 -0.00122599975325258 
-0.0625272336533416 0.998042505094979 0.999946435936525 0.010180508660177 
0.00186614609890943 -0.0102772653195019 0.997991333777543 0.0625114031395241 
-0.00122599975325258 -0.0625272336533416 0.998042505094979 0.999946435936525 
0.010180508660177 0.00186614609890943 -0.0102772653195019 0.997991333777543 
0.0625114031395241 -0.00122599975325258 -0.0625272336533416 0.998042505094979 
0.999946435936525 0.010180508660177 0.00186614609890943 -0.0102772653195019 
0.997991333777543 0.0625114031395241 -0.00122599975325258 -0.0625272336533416 
0.998042505094979 0.999946435936525 0.010180508660177 0.00186614609890943 
-0.0102772653195019 0.997991333777543 0.0625114031395241 -0.00122599975325258 
-0.0625272336533416 0.998042505094979 0.999946435936525 0.010180508660177 
0.00186614609890943 -0.0102772653195019 0.997991333777543 0.0625114031395241 
-0.00122599975325258 -0.0625272336533416 0.998042505094979 0.999946435936525 
0.010180508660177 0.00186614609890943 -0.0102772653195019 0.997991333777543 
0.0625114031395241 -0.00122599975325258 -0.0625272336533416 0.998042505094979 
0.999946435936525 0.010180508660177 0.00186614609890943 -0.0102772653195019 
0.997991333777543 0.0625114031395241 -0.00122599975325258 -0.0625272336533416 
0.998042505094979 0.999946435936525 0.010180508660177 0.00186614609890943 
-0.0102772653195019 0.997991333777543 0.0625114031395241 -0.00122599975325258 
-0.0625272336533416 0.998042505094979 0.999946435936525 0.010180508660177 
0.00186614609890943 -0.0102772653195019 0.997991333777543 0.0625114031395241 
-0.00122599975325258 -0.0625272336533416 0.998042505094979 0.999946435936525 
0.010180508660177 0.00186614609890943 -0.0102772653195019 0.997991333777543 
0.0625114031395241 -0.00122599975325258 -0.0625272336533416 0.998042505094979 
0.999946435936525 0.010180508660177 0.00186614609890943 -0.0102772653195019 
0.997991333777543 0.0625114031395241 -0.00122599975325258 -0.0625272336533416 
0.998042505094979 0.999946435936525 0.010180508660177 0.00186614609890943 
-0.0102772653195019 0.997991333777543 0.0625114031395241 -0.00122599975325258 
-0.0625272336533416 0.998042505094979 0.999946435936525 0.010180508660177 
0.00186614609890943 -0.0102772653195019 0.997991333777543 0.0625114031395241 
-0.00122599975325258 -0.0625272336533416 0.998042505094979 0.999946435936525 
0.010180508660177 0.00186614609890943 -0.0102772653195019 0.997991333777543 
0.0625114031395241 -0.00122599975325258 -0.0625272336533416 0.998042505094979 
0.999946435936525 0.010180508660177 0.00186614609890943 -0.0102772653195019 
0.997991333777543 0.0625114031395241 -0.00122599975325258 -0.0625272336533416 
0.998042505094979 0.999946435936525 0.010180508660177 0.00186614609890943 
-0.0102772653195019 0.997991333777543 0.0625114031395241 -0.00122599975325258 
-0.0625272336533416 0.998042505094979 0.999946435936525 0.010180508660177 
0.00186614609890943 -0.0102772653195019 0.997991333777543 0.0625114031395241 
-0.00122599975325258 -0.0625272336533416 0.998042505094979 0.999946435936525 
0.010180508660177 0.00186614609890943 -0.0102772653195019 0.997991333777543 
0.0625114031395241 -0.00122599975325258 -0.0625272336533416 0.998042505094979 
0.999946435936525 0.010180508660177 0.00186614609890943 -0.0102772653195019 
0.997991333777543 0.0625114031395241 -0.00122599975325258 -0.0625272336533416 
0.998042505094979 0.999946435936525 0.010180508660177 0.00186614609890943 
-0.0102772653195019 0.997991333777543 0.0625114031395241 -0.00122599975325258 
-0.0625272336533416 0.998042505094979 0.999946435936525 0.010180508660177 
0.00186614609890943 -0.0102772653195019 0.997991333777543 0.0625114031395241 
-0.00122599975325258 -0.0625272336533416 0.998042505094979 0.999946435936525 
0.010180508660177 0.00186614609890943 -0.0102772653195019 0.997991333777543 
0.0625114031395241 -0.00122599975325258 -0.0625272336533416 0.998042505094979 
0.999946435936525 0.010180508660177 0.00186614609890943 -0.0102772653195019 
0.997991333777543 0.0625114031395241 -0.00122599975325258 -0.0625272336533416 
0.998042505094979 0.999946435936525 0.010180508660177 0.00186614609890943 
-0.0102772653195019 0.997991333777543 0.0625114031395241 -0.00122599975325258 
-0.0625272336533416 0.998042505094979 0.999946435936525 0.010180508660177 
0.00186614609890943 -0.0102772653195019 0.997991333777543 0.0625114031395241 
-0.00122599975325258 -0.0625272336533416 0.998042505094979 0.999946435936525 
0.010180508660177 0.00186614609890943 -0.0102772653195019 0.997991333777543 
0.0625114031395241 -0.00122599975325258 -0.0625272336533416 0.998042505094979 
0.999946435936525 0.010180508660177 0.00186614609890943 -0.0102772653195019 
0.997991333777543 0.0625114031395241 -0.00122599975325258 -0.0625272336533416 
0.998042505094979 0.999946435936525 0.010180508660177 0.00186614609890943 
-0.0102772653195019 0.997991333777543 0.0625114031395241 -0.00122599975325258 
-0.0625272336533416 0.998042505094979
$$ @vis= ACQ_scaling_phase ACQ_scaling_slice ACQ_grad_matrix_size
##$NSLICES=30
##$ACQ_rare_factor=8
##$ACQ_phase_encoding_mode=( 2 )
Read User_Defined_Encoding
##$ACQ_phase_enc_start=( 2 )
-1 -1
$$ @vis= ACQ_grad_matrix NSLICES ACQ_rare_factor ACQ_phase_encoding_mode
##$ACQ_spatial_size_1=120
##$ACQ_spatial_phase_1=( 120 )
-0.616666666666667 -0.366666666666667 -0.116666666666667 0.133333333333333 
0.383333333333333 0.633333333333333 0.883333333333333 -0.866666666666667 -0.6 
-0.35 -0.1 0.15 0.4 0.65 0.9 -0.85 -0.583333333333333 -0.333333333333333 
-0.0833333333333333 0.166666666666667 0.416666666666667 0.666666666666667 
0.916666666666667 -0.833333333333333 -0.566666666666667 -0.316666666666667 
-0.0666666666666667 0.183333333333333 0.433333333333333 0.683333333333333 
0.933333333333333 -0.816666666666667 -0.55 -0.3 -0.05 0.2 0.45 0.7 0.95 -0.8 
-0.533333333333333 -0.283333333333333 -0.0333333333333333 0.216666666666667 
0.466666666666667 0.716666666666667 0.966666666666667 -0.783333333333333 
-0.516666666666667 -0.266666666666667 -0.0166666666666667 0.233333333333333 
0.483333333333333 0.733333333333333 0.983333333333333 -0.766666666666667 -0.5 
-0.25 0 0.25 0.5 0.75 -1 -0.75 -0.483333333333333 -0.233333333333333 
0.0166666666666667 0.266666666666667 0.516666666666667 0.766666666666667 
-0.983333333333333 -0.733333333333333 -0.466666666666667 -0.216666666666667 
0.0333333333333333 0.283333333333333 0.533333333333333 0.783333333333333 
-0.966666666666667 -0.716666666666667 -0.45 -0.2 0.05 0.3 0.55 0.8 -0.95 -0.7 
-0.433333333333333 -0.183333333333333 0.0666666666666667 0.316666666666667 
0.566666666666667 0.816666666666667 -0.933333333333333 -0.683333333333333 
-0.416666666666667 -0.166666666666667 0.0833333333333333 0.333333333333333 
0.583333333333333 0.833333333333333 -0.916666666666667 -0.666666666666667 
-0.4 -0.15 0.1 0.35 0.6 0.85 -0.9 -0.65 -0.383333333333333 -0.133333333333333 
0.116666666666667 0.366666666666667 0.616666666666667 0.866666666666667 
-0.883333333333333 -0.633333333333333
##$ACQ_gradient_amplitude=( 100 )
13.5553013936544 37.9169269752571 23.4159298257998 37.44449950564 
34.6387599497132 11.296084494712 0 5.0692974546202 17.3193799748566 0 0 0 0 0 
0 0 0 0 0 0 0 0 0 0 0 0 0 0 0 0 0 0 0 0 0 0 0 0 0 0 0 0 0 0 0 0 0 0 0 0 0 0 0 
0 0 0 0 0 0 0 0 0 0 0 0 0 0 0 0 0 0 0 0 0 0 0 0 0 0 0 0 0 0 0 0 0 0 0 0 0 0 0 
0 0 0 0 0 0 0 0
$$ @vis= ACQ_phase_enc_start ACQ_spatial_size_1 ACQ_spatial_phase_1
##$GS_dim=1
##$GS_disp_update=Each_Accum
##$GS_online_reco=Yes
$$ @vis= ACQ_gradient_amplitude GRAD_PARS GS_dim GS_disp_update
##$GS_reco_display=Yes
##$GS_shuffle_profiles=Yes
##$GS_typ=Spectrometer_Parameters
##$GS_info_dig_filling=Yes
$$ @vis= GS_online_reco GS_reco_display GS_shuffle_profiles GS_typ
##$GS_info_normalized_area=No_info
##$GS_info_max_point=No_info
##$GS_get_info_points=No_info
$$ @vis= GS_info_dig_filling GS_info_normalized_area GS_info_max_point
##$GS_continue=Exit_gsauto
##$GO_init_files=No
##$GO_data_save=Yes
##$GO_block_size=Standard_KBlock_Format
$$ @vis= GS_get_info_points GS_continue GS GO_init_files GO_data_save
##$GO_raw_data_format=GO_32BIT_SGN_INT
##$GO_disp_update=Each_Accum
##$GO_online_reco=Yes
##$GO_reco_display=Yes
$$ @vis= GO_block_size GO_raw_data_format GO_disp_update GO_online_reco
##$GO_reco_each_nr=No
##$GO_max_reco_mem=0
##$GO_time_est=Yes
##$GO_use_macro=No
$$ @vis= GO_reco_display GO_reco_each_nr GO_max_reco_mem GO_time_est
##$GO_macro=( 4096 )
<>
##$GO_LogTimestamp=No
##$ACQ_DriftCompActive=No
##$ACQ_DriftCompJob=1
##$ACQ_DriftCompFilterWidth=1
$$ @vis= GO_use_macro GO_LogTimestamp GO ACQ_DriftCompActive ACQ_DriftCompJob
##$ACQ_DriftCompStep=1
##$ACQ_DriftCompOffset=0
##$ACQ_DriftCompDebug=No
$$ @vis= ACQ_DriftCompFilterWidth ACQ_DriftCompStep ACQ_DriftCompOffset
##$ACQ_MPI_field_steps=1
##$ACQ_MPI_drive_field_cycle=0
$$ @vis= ACQ_DriftCompDebug Drift ACQ_MPI_field_steps
##$ACQ_MPI_selection_field_gradient=0
##$ACQ_MPI_base_frequency=0
$$ @vis= ACQ_MPI_drive_field_cycle ACQ_MPI_selection_field_gradient
##$ACQ_MPI_drive_field_strength=( 3 )
0 0 0
##$ACQ_MPI_div=( 3 )
0 0 0
##$ACQ_MPI_frequency_select=( 3 )
Yes Yes Yes
$$ @vis= ACQ_MPI_base_frequency ACQ_MPI_drive_field_strength ACQ_MPI_div
$$ @vis= ACQ_MPI_frequency_select MPI ACQP
##END=
