##TITLE=Parameter List, ParaVision 6.0
##JCAMPDX=4.24
##DATATYPE=Parameter Values
##ORIGIN=Bruker BioSpin MRI GmbH
##OWNER=mri
$$ 2017-03-17 15:02:13 +0100  mri@pharmascan70
$$ /opt/PV6.0/data/mri/20170317_143243_5704_1_6/12/acqp
$$ process /opt/PV6.0/prog/mod/acq_out
##$PULPROG=( 32 )
<EPI.ppg>
##$GRDPROG=( 16 )
<>
##$ACQ_experiment_mode=SingleExperiment
##$ACQ_PexSelect=0
##$ACQ_load_shim_set_list=No
##$ACQ_user_filter=No
$$ @vis= PULPROG GRDPROG ACQ_experiment_mode ACQ_load_shim_set_list
##$ACQ_DS_enabled=No
##$ACQ_switch_pll_enabled=No
##$ACQ_preload=0
##$ACQ_branch_preload=( 10, 2 )
1000000 1000000 1000000 1000000 1000000 1000000 1000000 1000000 1000000 
1000000 1000000 1000000 1000000 1000000 1000000 1000000 1000000 1000000 500 
500
$$ @vis= ACQ_user_filter ACQ_DS_enabled ACQ_switch_pll_enabled ACQ_preload
##$ACQ_jobs_size=0
##$ACQ_jobs=( 1 )
(0, 1, 0, 1, 64, 100, 0, 0)
##$ACQ_dim=2
##$ACQ_dim_desc=( 2 )
Spatial Spatial
##$ACQ_size=( 2 )
3480 1
##$ACQ_ns_list_size=1
$$ @vis= ACQ_branch_preload ACQ_jobs_size ACQ_dim ACQ_dim_desc ACQ_size
##$ACQ_ns=1
##$ACQ_ns_list=( 1 )
1
##$ACQ_phase_factor=1
##$ACQ_scan_size=ACQ_phase_factor_scans
##$NI=30
$$ @vis= ACQ_ns_list_size ACQ_ns ACQ_ns_list ACQ_phase_factor ACQ_scan_size
##$NA=1
##$NAE=1
##$NR=1
##$DS=0
##$D=( 64 )
0.0171399666666667 0.001857 1e-05 0.000153 0.000143 0.002 1e-06 0.0029665 
2.5e-05 0.001557 0 0 0 0 0 0 0 0 0 0 0 0 0 0 0 0 0 0 0 0 0 0 0 0 0 0 0 0 0 0 
0 0 0 0 0 0 0 0 0 0 0 0 0 0 0 0 0 0 0 0 0 0 0 0
##$P=( 64 )
2100 1700 0 0 0 0 0 0 0 0 0 0 0 0 0 0 0 0 0 0 0 0 0 0 0 0 0 0 0 0 0 0 0 0 0 0 
0 0 0 0 0 0 0 0 0 0 0 0 0 0 0 0 0 0 0 0 0 0 0 0 0 0 0 0
##$PLW=( 64 )
0 0 0 0 0 0 0 0 0 0 0 0 0 0 0 0 0 0 0 0 0 0 0 0 0 0 0 0 0 0 0 0 0 0 0 0 0 0 0 
0 0 0 0 0 0 0 0 0 0 0 0 0 0 0 0 0 0 0 0 0 0 0 0 0
##$SPPEX=( 64 )
0 0 0 0 0 0 0 0 0 0 0 0 0 0 0 0 0 0 0 0 0 0 0 0 0 0 0 0 0 0 0 0 0 0 0 0 0 0 0 
0 0 0 0 0 0 0 0 0 0 0 0 0 0 0 0 0 0 0 0 0 0 0 0 0
##$ACQ_RfShapes=( 64 )
(<$ExcPulseShape>, 0.0479288075949941, 0, 0.5, 0, 100 100 100 100 100 100 100 
100, 0 0 0 0 0 0 0 0) (<$RefPulseShape>, 0.573446620727622, 0, 0, 0, 100 100 
100 100 100 100 100 100, 0 0 0 0 0 0 0 0) (<>, 0, 0, 0.5, 0, 0 0 0 0 0 0 0 0, 
0 0 0 0 0 0 0 0) (<>, 0, 0, 0.5, 0, 0 0 0 0 0 0 0 0, 0 0 0 0 0 0 0 0) (<>, 0, 
0, 0.5, 0, 0 0 0 0 0 0 0 0, 0 0 0 0 0 0 0 0) (<>, 0, 0, 0.5, 0, 0 0 0 0 0 0 0 
0, 0 0 0 0 0 0 0 0) (<>, 0, 0, 0.5, 0, 0 0 0 0 0 0 0 0, 0 0 0 0 0 0 0 0) (<>, 
0, 0, 0.5, 0, 0 0 0 0 0 0 0 0, 0 0 0 0 0 0 0 0) (<>, 0, 0, 0.5, 0, 0 0 0 0 0 
0 0 0, 0 0 0 0 0 0 0 0) (<>, 0, 0, 0.5, 0, 0 0 0 0 0 0 0 0, 0 0 0 0 0 0 0 0) 
(<>, 0, 0, 0.5, 0, 0 0 0 0 0 0 0 0, 0 0 0 0 0 0 0 0) (<>, 0, 0, 0.5, 0, 0 0 0 
0 0 0 0 0, 0 0 0 0 0 0 0 0) (<>, 0, 0, 0.5, 0, 0 0 0 0 0 0 0 0, 0 0 0 0 0 0 0 
0) (<>, 0, 0, 0.5, 0, 0 0 0 0 0 0 0 0, 0 0 0 0 0 0 0 0) (<>, 0, 0, 0.5, 0, 0 
0 0 0 0 0 0 0, 0 0 0 0 0 0 0 0) (<>, 0, 0, 0.5, 0, 0 0 0 0 0 0 0 0, 0 0 0 0 0 
0 0 0) (<>, 0, 0, 0.5, 0, 0 0 0 0 0 0 0 0, 0 0 0 0 0 0 0 0) (<>, 0, 0, 0.5, 0,
 0 0 0 0 0 0 0 0, 0 0 0 0 0 0 0 0) (<>, 0, 0, 0.5, 0, 0 0 0 0 0 0 0 0, 0 0 0 
0 0 0 0 0) (<>, 0, 0, 0.5, 0, 0 0 0 0 0 0 0 0, 0 0 0 0 0 0 0 0) (<>, 0, 0, 
0.5, 0, 0 0 0 0 0 0 0 0, 0 0 0 0 0 0 0 0) (<>, 0, 0, 0.5, 0, 0 0 0 0 0 0 0 0, 
0 0 0 0 0 0 0 0) (<>, 0, 0, 0.5, 0, 0 0 0 0 0 0 0 0, 0 0 0 0 0 0 0 0) (<>, 0, 
0, 0.5, 0, 0 0 0 0 0 0 0 0, 0 0 0 0 0 0 0 0) (<>, 0, 0, 0.5, 0, 0 0 0 0 0 0 0 
0, 0 0 0 0 0 0 0 0) (<>, 0, 0, 0.5, 0, 0 0 0 0 0 0 0 0, 0 0 0 0 0 0 0 0) (<>, 
0, 0, 0.5, 0, 0 0 0 0 0 0 0 0, 0 0 0 0 0 0 0 0) (<>, 0, 0, 0.5, 0, 0 0 0 0 0 
0 0 0, 0 0 0 0 0 0 0 0) (<>, 0, 0, 0.5, 0, 0 0 0 0 0 0 0 0, 0 0 0 0 0 0 0 0) 
(<>, 0, 0, 0.5, 0, 0 0 0 0 0 0 0 0, 0 0 0 0 0 0 0 0) (<>, 0, 0, 0.5, 0, 0 0 0 
0 0 0 0 0, 0 0 0 0 0 0 0 0) (<>, 0, 0, 0.5, 0, 0 0 0 0 0 0 0 0, 0 0 0 0 0 0 0 
0) (<>, 0, 0, 0.5, 0, 0 0 0 0 0 0 0 0, 0 0 0 0 0 0 0 0) (<>, 0, 0, 0.5, 0, 0 
0 0 0 0 0 0 0, 0 0 0 0 0 0 0 0) (<>, 0, 0, 0.5, 0, 0 0 0 0 0 0 0 0, 0 0 0 0 0 
0 0 0) (<>, 0, 0, 0.5, 0, 0 0 0 0 0 0 0 0, 0 0 0 0 0 0 0 0) (<>, 0, 0, 0.5, 0,
 0 0 0 0 0 0 0 0, 0 0 0 0 0 0 0 0) (<>, 0, 0, 0.5, 0, 0 0 0 0 0 0 0 0, 0 0 0 
0 0 0 0 0) (<>, 0, 0, 0.5, 0, 0 0 0 0 0 0 0 0, 0 0 0 0 0 0 0 0) (<>, 0, 0, 
0.5, 0, 0 0 0 0 0 0 0 0, 0 0 0 0 0 0 0 0) (<$PVM_FatSupPulShape>, 
0.0132366871337832, 0, 0.5, 0, 100 100 100 100 100 100 100 100, 0 0 0 0 0 0 0 
0) (<$PVM_FovSatPulShape>, 0.339170408841957, 0, 0.5, 0, 100 100 100 100 100 
100 100 100, 0 0 0 0 0 0 0 0) (<>, 0, 0, 0.5, 0, 0 0 0 0 0 0 0 0, 0 0 0 0 0 0 
0 0) (<>, 0, 0, 0.5, 0, 0 0 0 0 0 0 0 0, 0 0 0 0 0 0 0 0) (<>, 0, 0, 0.5, 0, 
0 0 0 0 0 0 0 0, 0 0 0 0 0 0 0 0) (<bp.exc>, 0.294684405621535, 0, 0.5, 0, 
100 100 100 100 100 100 100 100, 0 0 0 0 0 0 0 0) (<>, 0, 0, 0.5, 0, 0 0 0 0 
0 0 0 0, 0 0 0 0 0 0 0 0) (<>, 0, 0, 0.5, 0, 0 0 0 0 0 0 0 0, 0 0 0 0 0 0 0 0)
 (<>, 0, 0, 0.5, 0, 0 0 0 0 0 0 0 0, 0 0 0 0 0 0 0 0) (<>, 0, 0, 0.5, 0, 0 0 
0 0 0 0 0 0, 0 0 0 0 0 0 0 0) (<>, 0, 0, 0.5, 0, 0 0 0 0 0 0 0 0, 0 0 0 0 0 0 
0 0) (<>, 0, 0, 0.5, 0, 0 0 0 0 0 0 0 0, 0 0 0 0 0 0 0 0) (<>, 0, 0, 0.5, 0, 
0 0 0 0 0 0 0 0, 0 0 0 0 0 0 0 0) (<>, 0, 0, 0.5, 0, 0 0 0 0 0 0 0 0, 0 0 0 0 
0 0 0 0) (<>, 0, 0, 0.5, 0, 0 0 0 0 0 0 0 0, 0 0 0 0 0 0 0 0) (<>, 0, 0, 0.5, 
0, 0 0 0 0 0 0 0 0, 0 0 0 0 0 0 0 0) (<>, 0, 0, 0.5, 0, 0 0 0 0 0 0 0 0, 0 0 
0 0 0 0 0 0) (<>, 0, 0, 0.5, 0, 0 0 0 0 0 0 0 0, 0 0 0 0 0 0 0 0) (<>, 0, 0, 
0.5, 0, 0 0 0 0 0 0 0 0, 0 0 0 0 0 0 0 0) (<>, 0, 0, 0.5, 0, 0 0 0 0 0 0 0 0, 
0 0 0 0 0 0 0 0) (<>, 0, 0, 0.5, 0, 0 0 0 0 0 0 0 0, 0 0 0 0 0 0 0 0) (<>, 0, 
0, 0.5, 0, 0 0 0 0 0 0 0 0, 0 0 0 0 0 0 0 0) (<>, 0, 0, 0.5, 0, 0 0 0 0 0 0 0 
0, 0 0 0 0 0 0 0 0) (<>, 0, 0, 0.5, 0, 0 0 0 0 0 0 0 0, 0 0 0 0 0 0 0 0)
##$SW_h=250000
##$SW=832.421066493722
##$FW=0
##$RG=101
##$AQ_mod=qdig
##$DR=20
##$PAPS=QP
##$PH_ref=0
$$ @vis= NI NA NAE NR DS D P PLW ACQ_RfShapes SW_h SW RG AQ_mod DR PAPS
##$BF1=300.328775979969
##$SFO1=300.328775979969
##$O1=0
##$ACQ_O1_list_size=30
##$ACQ_O1_list=( 30 )
-31280.5970241854 -27280.5970241854 -23280.5970241854 -19280.5970241854 
-15280.5970241854 -11280.5970241854 -7280.59702418541 -3280.59702418541 
719.402975814587 4719.40297581459 8719.40297581459 12719.4029758146 
16719.4029758146 20719.4029758146 24719.4029758146 -29280.5970241854 
-25280.5970241854 -21280.5970241854 -17280.5970241854 -13280.5970241854 
-9280.59702418541 -5280.59702418541 -1280.59702418541 2719.40297581459 
6719.40297581459 10719.4029758146 14719.4029758146 18719.4029758146 
22719.4029758146 26719.4029758146
##$ACQ_O1B_list_size=30
##$ACQ_O1B_list=( 30 )
0 0 0 0 0 0 0 0 0 0 0 0 0 0 0 0 0 0 0 0 0 0 0 0 0 0 0 0 0 0
$$ @vis= PH_ref BF1 SFO1 O1 ACQ_O1_list_size ACQ_O1_list ACQ_O1B_list_size
##$BF2=300.325
##$SFO2=300.325
##$O2=0
##$ACQ_O2_list_size=1
##$ACQ_O2_list=( 1 )
0
##$BF3=300.325
##$SFO3=300.325
##$O3=0
##$ACQ_O3_list_size=1
$$ @vis= ACQ_O1B_list BF2 SFO2 O2 ACQ_O2_list_size ACQ_O2_list BF3 SFO3 O3
##$ACQ_O3_list=( 1 )
0
##$BF4=300.325
##$SFO4=300.325
##$O4=0
##$BF5=300.325
##$SFO5=300.325
##$O5=0
##$BF6=300.325
##$SFO6=300.325
##$O6=0
##$BF7=300.325
##$SFO7=300.325
$$ @vis= ACQ_O3_list_size ACQ_O3_list BF4 SFO4 O4 BF5 SFO5 O5 BF6 SFO6 O6 BF7
##$O7=0
##$BF8=300.325
##$SFO8=300.325
##$O8=0
##$NUC1=( 8 )
<1H>
##$NUC2=( 8 )
<off>
##$NUC3=( 8 )
<off>
##$NUC4=( 8 )
<off>
##$NUC5=( 8 )
<off>
##$NUC6=( 8 )
<off>
##$NUC7=( 8 )
<off>
##$NUC8=( 8 )
<off>
##$NUCLEUS=( 8 )
<1H>
##$ACQ_Routing=RouteDefinedByCoil
##$L=( 32 )
0 0 1 0 0 0 0 0 0 0 0 0 0 0 0 0 0 0 0 0 0 0 0 0 0 0 0 0 0 0 0 0
$$ @vis= SFO7 O7 BF8 SFO8 O8 NUC1 NUC2 NUC3 NUC4 NUC5 NUC6 NUC7 NUC8 NUCLEUS
##$ACQ_vd_list_size=1
##$ACQ_vd_list=( 1 )
1e-06
##$ACQ_vp_list_size=1
##$ACQ_vp_list=( 1 )
1e-06
##$ACQ_protocol_name=( 64 )
<3_ssEPI_CBV>
$$ @vis= L ACQ_vd_list_size ACQ_vd_list ACQ_vp_list_size ACQ_vp_list
##$ACQ_scan_name=( 64 )
<3_ssEPI_CBV>
##$ACQ_method=( 40 )
<Bruker:EPI>
##$ACQ_completed=Yes
##$ACQ_pipe_status=Wrapup
$$ @vis= ACQ_protocol_name ACQ_scan_name ACQ_method ACQ_completed
##$ACQ_scans_completed=0
##$ACQ_nr_completed=1
##$ACQ_total_completed=30
$$ @vis= ACQ_pipe_status ACQ_scans_completed ACQ_nr_completed
##$ACQ_word_size=_32_BIT
##$NECHOES=1
##$ACQ_n_echo_images=1
##$ACQ_n_movie_frames=1
$$ @vis= ACQ_total_completed ACQ_word_size NECHOES ACQ_n_echo_images
##$ACQ_echo_descr=( 1, 20 )
<>
##$ACQ_movie_descr=( 1, 20 )
<>
##$ACQ_fov=( 2 )
1.35 0.9
##$ACQ_read_ext=1
$$ @vis= ACQ_n_movie_frames ACQ_echo_descr ACQ_movie_descr ACQ_fov
##$ACQ_slice_angle=( 1 )
3.5855750728291
##$ACQ_slice_orient=Arbitrary_Oblique
##$ACQ_patient_pos=Head_Supine
##$ACQ_read_offset=( 30 )
0 0 0 0 0 0 0 0 0 0 0 0 0 0 0 0 0 0 0 0 0 0 0 0 0 0 0 0 0 0
$$ @vis= ACQ_read_ext ACQ_slice_angle ACQ_slice_orient ACQ_patient_pos
##$ACQ_phase1_offset=( 30 )
1.24060198533894 1.24060198533894 1.24060198533894 1.24060198533894 
1.24060198533894 1.24060198533894 1.24060198533894 1.24060198533894 
1.24060198533894 1.24060198533894 1.24060198533894 1.24060198533894 
1.24060198533894 1.24060198533894 1.24060198533894 1.24060198533894 
1.24060198533894 1.24060198533894 1.24060198533894 1.24060198533894 
1.24060198533894 1.24060198533894 1.24060198533894 1.24060198533894 
1.24060198533894 1.24060198533894 1.24060198533894 1.24060198533894 
1.24060198533894 1.24060198533894
##$ACQ_phase2_offset=( 30 )
0 0 0 0 0 0 0 0 0 0 0 0 0 0 0 0 0 0 0 0 0 0 0 0 0 0 0 0 0 0
##$ACQ_slice_sepn=( 1 )
0.45
##$ACQ_slice_sepn_mode=Contiguous
$$ @vis= ACQ_read_offset ACQ_phase1_offset ACQ_phase2_offset ACQ_slice_sepn
##$ACQ_slice_thick=0.45
##$ACQ_slice_offset=( 30 )
-7.03813433044172 -6.58813433044172 -6.13813433044172 -5.68813433044172 
-5.23813433044172 -4.78813433044172 -4.33813433044172 -3.88813433044172 
-3.43813433044172 -2.98813433044172 -2.53813433044172 -2.08813433044172 
-1.63813433044172 -1.18813433044172 -0.738134330441718 -0.288134330441718 
0.161865669558282 0.611865669558282 1.06186566955828 1.51186566955828 
1.96186566955828 2.41186566955828 2.86186566955828 3.31186566955828 
3.76186566955828 4.21186566955828 4.66186566955828 5.11186566955828 
5.56186566955828 6.01186566955828
##$ACQ_obj_order=( 30 )
0 2 4 6 8 10 12 14 16 18 20 22 24 26 28 1 3 5 7 9 11 13 15 17 19 21 23 25 27 
29
##$ACQ_flip_angle=90
$$ @vis= ACQ_slice_sepn_mode ACQ_slice_thick ACQ_slice_offset ACQ_obj_order
##$ACQ_flipback=No
##$ACQ_echo_time=( 1 )
5.913
##$ACQ_inter_echo_time=( 1 )
0.24
##$ACQ_recov_time=( 1 )
997.9
$$ @vis= ACQ_flip_angle ACQ_flipback ACQ_echo_time ACQ_inter_echo_time
##$ACQ_repetition_time=( 1 )
1000
##$ACQ_scan_time=0
##$ACQ_inversion_time=( 1 )
0
##$ACQ_temporal_delay=( 1 )
0
$$ @vis= ACQ_recov_time ACQ_repetition_time ACQ_scan_time ACQ_inversion_time
##$ACQ_time=<2017-03-17T15:02:07,190+0100>
##$ACQ_time_points=( 1 )
0
##$ACQ_abs_time=(1489759327, 190, 60)
##$ACQ_operator=( 16 )
<mri>
$$ @vis= ACQ_temporal_delay ACQ_time ACQ_time_points ACQ_abs_time
##$ACQ_RF_power=0
##$ACQ_transmitter_coil=( 16 )
<>
##$ACQ_contrast_agent=( 20 )
<>
##$ACQ_trigger_enable=No
$$ @vis= ACQ_operator ACQ_RF_power ACQ_transmitter_coil ACQ_contrast_agent
##$ACQ_institution=( 48 )
<ETH Zuerich>
##$ACQ_station=( 64 )
<BioSpec 70/16>
##$ACQ_sw_version=( 65 )
<PV 6.0>
##$ACQ_grad_str_X=0
$$ @vis= ACQ_trigger_enable ACQ_institution ACQ_station ACQ_sw_version
##$ACQ_grad_str_Y=0
##$ACQ_grad_str_Z=0
##$ACQ_position_X=0
##$ACQ_position_Y=0
$$ @vis= ACQ_grad_str_X ACQ_grad_str_Y ACQ_grad_str_Z ACQ_position_X
##$ACQ_position_Z=0
##$BYTORDA=little
##$INSTRUM=( 64 )
<spect>
##$ACQ_adc_overflow=( 4 )
No No No No
##$GRPDLY=68.0313720703125
$$ @vis= ACQ_position_Y ACQ_position_Z BYTORDA INSTRUM ACQ_adc_overflow
##$FRQLO3=0
##$ACQ_CalibratedRG=( 4, 1 )
0 31.66 0 0
##$FQ1LIST=( 16 )
<ACQ_O1_list>
##$FQ2LIST=( 16 )
<ACQ_O2_list>
##$FQ3LIST=( 16 )
<ACQ_O3_list>
##$FQ8LIST=( 16 )
<ACQ_O1B_list>
$$ @vis= GRPDLY FRQLO3 ACQ_CalibratedRG ACQ_INFO FQ1LIST FQ2LIST FQ3LIST
##$SPW=( 64 )
0.0479288075949941 0.573446620727622 0 0 0 0 0 0 0 0 0 0 0 0 0 0 0 0 0 0 0 0 
0 0 0 0 0 0 0 0 0 0 0 0 0 0 0 0 0 0 0.0132366871337832 0.339170408841957 0 0 
0 0.294684405621535 0 0 0 0 0 0 0 0 0 0 0 0 0 0 0 0 0 0
##$SPOAL=( 64 )
0.5 0 0.5 0.5 0.5 0.5 0.5 0.5 0.5 0.5 0.5 0.5 0.5 0.5 0.5 0.5 0.5 0.5 0.5 0.5 
0.5 0.5 0.5 0.5 0.5 0.5 0.5 0.5 0.5 0.5 0.5 0.5 0.5 0.5 0.5 0.5 0.5 0.5 0.5 
0.5 0.5 0.5 0.5 0.5 0.5 0.5 0.5 0.5 0.5 0.5 0.5 0.5 0.5 0.5 0.5 0.5 0.5 0.5 
0.5 0.5 0.5 0.5 0.5 0.5
##$SPOFFS=( 64 )
0 0 0 0 0 0 0 0 0 0 0 0 0 0 0 0 0 0 0 0 0 0 0 0 0 0 0 0 0 0 0 0 0 0 0 0 0 0 0 
0 0 0 0 0 0 0 0 0 0 0 0 0 0 0 0 0 0 0 0 0 0 0 0 0
##$SPNAM0=( 64 )
<$ExcPulseShape>
##$SPNAM1=( 64 )
<$RefPulseShape>
##$SPNAM2=( 64 )
<>
##$SPNAM3=( 64 )
<>
##$SPNAM4=( 64 )
<>
##$SPNAM5=( 64 )
<>
##$SPNAM6=( 64 )
<>
$$ @vis= FQ8LIST SPW SPOAL SPOFFS SPNAM0 SPNAM1 SPNAM2 SPNAM3 SPNAM4 SPNAM5
##$SPNAM7=( 64 )
<>
##$SPNAM8=( 64 )
<>
##$SPNAM9=( 64 )
<>
##$SPNAM10=( 64 )
<>
##$SPNAM11=( 64 )
<>
##$SPNAM12=( 64 )
<>
##$SPNAM13=( 64 )
<>
##$SPNAM14=( 64 )
<>
##$SPNAM15=( 64 )
<>
$$ @vis= SPNAM6 SPNAM7 SPNAM8 SPNAM9 SPNAM10 SPNAM11 SPNAM12 SPNAM13 SPNAM14
##$SPNAM16=( 64 )
<>
##$SPNAM17=( 64 )
<>
##$SPNAM18=( 64 )
<>
##$SPNAM19=( 64 )
<>
##$SPNAM20=( 64 )
<>
##$SPNAM21=( 64 )
<>
##$SPNAM22=( 64 )
<>
##$SPNAM23=( 64 )
<>
$$ @vis= SPNAM15 SPNAM16 SPNAM17 SPNAM18 SPNAM19 SPNAM20 SPNAM21 SPNAM22
##$SPNAM24=( 64 )
<>
##$SPNAM25=( 64 )
<>
##$SPNAM26=( 64 )
<>
##$SPNAM27=( 64 )
<>
##$SPNAM28=( 64 )
<>
##$SPNAM29=( 64 )
<>
##$SPNAM30=( 64 )
<>
##$SPNAM31=( 64 )
<>
$$ @vis= SPNAM23 SPNAM24 SPNAM25 SPNAM26 SPNAM27 SPNAM28 SPNAM29 SPNAM30
##$SPNAM32=( 64 )
<>
##$SPNAM33=( 64 )
<>
##$SPNAM34=( 64 )
<>
##$SPNAM35=( 64 )
<>
##$SPNAM36=( 64 )
<>
##$SPNAM37=( 64 )
<>
##$SPNAM38=( 64 )
<>
##$SPNAM39=( 64 )
<>
$$ @vis= SPNAM31 SPNAM32 SPNAM33 SPNAM34 SPNAM35 SPNAM36 SPNAM37 SPNAM38
##$SPNAM40=( 64 )
<$PVM_FatSupPulShape>
##$SPNAM41=( 64 )
<$PVM_FovSatPulShape>
##$SPNAM42=( 64 )
<>
##$SPNAM43=( 64 )
<>
##$SPNAM44=( 64 )
<>
##$SPNAM45=( 64 )
<bp.exc>
##$SPNAM46=( 64 )
<>
##$SPNAM47=( 64 )
<>
$$ @vis= SPNAM39 SPNAM40 SPNAM41 SPNAM42 SPNAM43 SPNAM44 SPNAM45 SPNAM46
##$SPNAM48=( 64 )
<>
##$SPNAM49=( 64 )
<>
##$SPNAM50=( 64 )
<>
##$SPNAM51=( 64 )
<>
##$SPNAM52=( 64 )
<>
##$SPNAM53=( 64 )
<>
##$SPNAM54=( 64 )
<>
##$SPNAM55=( 64 )
<>
$$ @vis= SPNAM47 SPNAM48 SPNAM49 SPNAM50 SPNAM51 SPNAM52 SPNAM53 SPNAM54
##$SPNAM56=( 64 )
<>
##$SPNAM57=( 64 )
<>
##$SPNAM58=( 64 )
<>
##$SPNAM59=( 64 )
<>
##$SPNAM60=( 64 )
<>
##$SPNAM61=( 64 )
<>
##$SPNAM62=( 64 )
<>
##$SPNAM63=( 64 )
<>
$$ @vis= SPNAM55 SPNAM56 SPNAM57 SPNAM58 SPNAM59 SPNAM60 SPNAM61 SPNAM62
##$HPPRGN=normal
##$LOCNUC=( 8 )
<off>
##$QNP=1
##$SOLVENT=( 16 )
<>
##$DIGMOD=digital_mode
##$DIGTYP=DRU
##$DQDMODE=DQDMODE_add
$$ @vis= SPNAM63 SPNAMES HPPRGN LOCNUC QNP SOLVENT HIRES DIGMOD DIGTYP
##$DSPFIRM=DSP_standard
##$DECIM=80
##$DSPFVS=20
##$ACQ_scan_shift=-136
##$DEOSC=7223.5
##$DE=6
##$HDDUTY=20
##$HDRATE=1
$$ @vis= DQDMODE DSPFIRM DECIM DSPFVS ACQ_scan_shift DEOSC DE HDDUTY HDRATE
##$ACQ_n_trim=1
##$ACQ_scaling_read=1
##$ACQ_scaling_phase=1
$$ @vis= AVANCE_PARS ACQ_n_trim ACQ_trim_values ACQ_scaling_read
##$ACQ_scaling_slice=1
##$ACQ_grad_matrix_size=30
##$ACQ_grad_matrix=( 30, 3, 3 )
0.999946435936525 0.010180508660177 0.00186614609890943 -0.0102772653195019 
0.997991333777543 0.0625114031395241 -0.00122599975325258 -0.0625272336533416 
0.998042505094979 0.999946435936525 0.010180508660177 0.00186614609890943 
-0.0102772653195019 0.997991333777543 0.0625114031395241 -0.00122599975325258 
-0.0625272336533416 0.998042505094979 0.999946435936525 0.010180508660177 
0.00186614609890943 -0.0102772653195019 0.997991333777543 0.0625114031395241 
-0.00122599975325258 -0.0625272336533416 0.998042505094979 0.999946435936525 
0.010180508660177 0.00186614609890943 -0.0102772653195019 0.997991333777543 
0.0625114031395241 -0.00122599975325258 -0.0625272336533416 0.998042505094979 
0.999946435936525 0.010180508660177 0.00186614609890943 -0.0102772653195019 
0.997991333777543 0.0625114031395241 -0.00122599975325258 -0.0625272336533416 
0.998042505094979 0.999946435936525 0.010180508660177 0.00186614609890943 
-0.0102772653195019 0.997991333777543 0.0625114031395241 -0.00122599975325258 
-0.0625272336533416 0.998042505094979 0.999946435936525 0.010180508660177 
0.00186614609890943 -0.0102772653195019 0.997991333777543 0.0625114031395241 
-0.00122599975325258 -0.0625272336533416 0.998042505094979 0.999946435936525 
0.010180508660177 0.00186614609890943 -0.0102772653195019 0.997991333777543 
0.0625114031395241 -0.00122599975325258 -0.0625272336533416 0.998042505094979 
0.999946435936525 0.010180508660177 0.00186614609890943 -0.0102772653195019 
0.997991333777543 0.0625114031395241 -0.00122599975325258 -0.0625272336533416 
0.998042505094979 0.999946435936525 0.010180508660177 0.00186614609890943 
-0.0102772653195019 0.997991333777543 0.0625114031395241 -0.00122599975325258 
-0.0625272336533416 0.998042505094979 0.999946435936525 0.010180508660177 
0.00186614609890943 -0.0102772653195019 0.997991333777543 0.0625114031395241 
-0.00122599975325258 -0.0625272336533416 0.998042505094979 0.999946435936525 
0.010180508660177 0.00186614609890943 -0.0102772653195019 0.997991333777543 
0.0625114031395241 -0.00122599975325258 -0.0625272336533416 0.998042505094979 
0.999946435936525 0.010180508660177 0.00186614609890943 -0.0102772653195019 
0.997991333777543 0.0625114031395241 -0.00122599975325258 -0.0625272336533416 
0.998042505094979 0.999946435936525 0.010180508660177 0.00186614609890943 
-0.0102772653195019 0.997991333777543 0.0625114031395241 -0.00122599975325258 
-0.0625272336533416 0.998042505094979 0.999946435936525 0.010180508660177 
0.00186614609890943 -0.0102772653195019 0.997991333777543 0.0625114031395241 
-0.00122599975325258 -0.0625272336533416 0.998042505094979 0.999946435936525 
0.010180508660177 0.00186614609890943 -0.0102772653195019 0.997991333777543 
0.0625114031395241 -0.00122599975325258 -0.0625272336533416 0.998042505094979 
0.999946435936525 0.010180508660177 0.00186614609890943 -0.0102772653195019 
0.997991333777543 0.0625114031395241 -0.00122599975325258 -0.0625272336533416 
0.998042505094979 0.999946435936525 0.010180508660177 0.00186614609890943 
-0.0102772653195019 0.997991333777543 0.0625114031395241 -0.00122599975325258 
-0.0625272336533416 0.998042505094979 0.999946435936525 0.010180508660177 
0.00186614609890943 -0.0102772653195019 0.997991333777543 0.0625114031395241 
-0.00122599975325258 -0.0625272336533416 0.998042505094979 0.999946435936525 
0.010180508660177 0.00186614609890943 -0.0102772653195019 0.997991333777543 
0.0625114031395241 -0.00122599975325258 -0.0625272336533416 0.998042505094979 
0.999946435936525 0.010180508660177 0.00186614609890943 -0.0102772653195019 
0.997991333777543 0.0625114031395241 -0.00122599975325258 -0.0625272336533416 
0.998042505094979 0.999946435936525 0.010180508660177 0.00186614609890943 
-0.0102772653195019 0.997991333777543 0.0625114031395241 -0.00122599975325258 
-0.0625272336533416 0.998042505094979 0.999946435936525 0.010180508660177 
0.00186614609890943 -0.0102772653195019 0.997991333777543 0.0625114031395241 
-0.00122599975325258 -0.0625272336533416 0.998042505094979 0.999946435936525 
0.010180508660177 0.00186614609890943 -0.0102772653195019 0.997991333777543 
0.0625114031395241 -0.00122599975325258 -0.0625272336533416 0.998042505094979 
0.999946435936525 0.010180508660177 0.00186614609890943 -0.0102772653195019 
0.997991333777543 0.0625114031395241 -0.00122599975325258 -0.0625272336533416 
0.998042505094979 0.999946435936525 0.010180508660177 0.00186614609890943 
-0.0102772653195019 0.997991333777543 0.0625114031395241 -0.00122599975325258 
-0.0625272336533416 0.998042505094979 0.999946435936525 0.010180508660177 
0.00186614609890943 -0.0102772653195019 0.997991333777543 0.0625114031395241 
-0.00122599975325258 -0.0625272336533416 0.998042505094979 0.999946435936525 
0.010180508660177 0.00186614609890943 -0.0102772653195019 0.997991333777543 
0.0625114031395241 -0.00122599975325258 -0.0625272336533416 0.998042505094979 
0.999946435936525 0.010180508660177 0.00186614609890943 -0.0102772653195019 
0.997991333777543 0.0625114031395241 -0.00122599975325258 -0.0625272336533416 
0.998042505094979 0.999946435936525 0.010180508660177 0.00186614609890943 
-0.0102772653195019 0.997991333777543 0.0625114031395241 -0.00122599975325258 
-0.0625272336533416 0.998042505094979
$$ @vis= ACQ_scaling_phase ACQ_scaling_slice ACQ_grad_matrix_size
##$NSLICES=30
##$ACQ_rare_factor=1
##$ACQ_phase_encoding_mode=( 2 )
Read Linear
##$ACQ_phase_enc_start=( 2 )
-1 -1
$$ @vis= ACQ_grad_matrix NSLICES ACQ_rare_factor ACQ_phase_encoding_mode
##$ACQ_gradient_amplitude=( 100 )
13.5553013936544 -8.18646769681391 16.944126742068 30 0 0 0 0 0 0 0 0 0 0 0 0 
0 0 0 0 0 0 0 0 0 0 0 0 0 0 0 0 0 0 0 0 0 0 0 0 0 0 0 0 0 0 0 0 0 0 0 0 0 0 0 
0 0 0 0 0 0 0 0 0 0 0 0 0 0 0 0 0 0 0 0 0 0 0 0 0 0 0 0 0 0 0 0 0 0 0 0 0 0 0 
0 0 0 0 0 0
##$GS_dim=2
##$GS_disp_update=Each_Accum
$$ @vis= ACQ_phase_enc_start ACQ_gradient_amplitude GRAD_PARS GS_dim
##$GS_online_reco=Yes
##$GS_reco_display=Yes
##$GS_shuffle_profiles=Yes
##$GS_typ=Spectrometer_Parameters
$$ @vis= GS_disp_update GS_online_reco GS_reco_display GS_shuffle_profiles
##$GS_info_dig_filling=Yes
##$GS_info_normalized_area=No_info
##$GS_info_max_point=No_info
##$GS_get_info_points=No_info
$$ @vis= GS_typ GS_info_dig_filling GS_info_normalized_area GS_info_max_point
##$GS_continue=Exit_gsauto
##$GO_init_files=No
##$GO_data_save=Yes
##$GO_block_size=continuous
$$ @vis= GS_get_info_points GS_continue GS GO_init_files GO_data_save
##$GO_raw_data_format=GO_32BIT_SGN_INT
##$GO_disp_update=Each_Accum
##$GO_online_reco=Yes
##$GO_reco_display=Yes
$$ @vis= GO_block_size GO_raw_data_format GO_disp_update GO_online_reco
##$GO_reco_each_nr=Yes
##$GO_max_reco_mem=0
##$GO_time_est=Yes
##$GO_use_macro=No
$$ @vis= GO_reco_display GO_reco_each_nr GO_max_reco_mem GO_time_est
##$GO_macro=( 4096 )
<>
##$GO_LogTimestamp=No
##$ACQ_DriftCompActive=No
##$ACQ_DriftCompJob=1
##$ACQ_DriftCompFilterWidth=1
$$ @vis= GO_use_macro GO_LogTimestamp GO ACQ_DriftCompActive ACQ_DriftCompJob
##$ACQ_DriftCompStep=1
##$ACQ_DriftCompOffset=0
##$ACQ_DriftCompDebug=No
$$ @vis= ACQ_DriftCompFilterWidth ACQ_DriftCompStep ACQ_DriftCompOffset
##$ACQ_MPI_field_steps=1
##$ACQ_MPI_drive_field_cycle=0
$$ @vis= ACQ_DriftCompDebug Drift ACQ_MPI_field_steps
##$ACQ_MPI_selection_field_gradient=0
##$ACQ_MPI_base_frequency=0
$$ @vis= ACQ_MPI_drive_field_cycle ACQ_MPI_selection_field_gradient
##$ACQ_MPI_drive_field_strength=( 3 )
0 0 0
##$ACQ_MPI_div=( 3 )
0 0 0
##$ACQ_MPI_frequency_select=( 3 )
Yes Yes Yes
$$ @vis= ACQ_MPI_base_frequency ACQ_MPI_drive_field_strength ACQ_MPI_div
$$ @vis= ACQ_MPI_frequency_select MPI ACQP
##END=
