##TITLE=Parameter List, ParaVision 6.0
##JCAMPDX=4.24
##DATATYPE=Parameter Values
##ORIGIN=Bruker BioSpin MRI GmbH
##OWNER=mri
$$ 2017-03-17 15:02:13 +0100  mri@pharmascan70
$$ /opt/PV6.0/data/mri/20170317_143243_5704_1_6/12/visu_pars
$$ process /opt/PV6.0/prog/mod/acq_out
##$VisuVersion=3
##$VisuUid=( 65 )
<2.16.756.5.5.100.9223372038926637916.22749.1489759333.1>
##$VisuCreator=( 65 )
<ParaVision>
##$VisuCreatorVersion=( 65 )
<6.0>
##$VisuCreationDate=<2017-03-17T15:02:13,347+0100>
##$VisuInstanceModality=( 65 )
<MR>
##$VisuCoreFrameCount=30
##$VisuCoreDim=2
##$VisuCoreSize=( 2 )
60 40
##$VisuCoreDimDesc=( 2 )
spatial spatial
##$VisuCoreExtent=( 2 )
13.5 9
##$VisuCoreFrameThickness=( 1 )
0.45
##$VisuCoreUnits=( 2, 65 )
<mm> <mm>
##$VisuCoreOrientation=( 30, 9 )
0.999946435936525 0.010180508660177 -0.00186614609890943 -0.0102772653195019 
0.997991333777543 -0.0625114031395241 0.00122599975325258 0.0625272336533416 
0.998042505094979 0.999946435936525 0.010180508660177 -0.00186614609890943 
-0.0102772653195019 0.997991333777543 -0.0625114031395241 0.00122599975325258 
0.0625272336533416 0.998042505094979 0.999946435936525 0.010180508660177 
-0.00186614609890943 -0.0102772653195019 0.997991333777543 
-0.0625114031395241 0.00122599975325258 0.0625272336533416 0.998042505094979 
0.999946435936525 0.010180508660177 -0.00186614609890943 -0.0102772653195019 
0.997991333777543 -0.0625114031395241 0.00122599975325258 0.0625272336533416 
0.998042505094979 0.999946435936525 0.010180508660177 -0.00186614609890943 
-0.0102772653195019 0.997991333777543 -0.0625114031395241 0.00122599975325258 
0.0625272336533416 0.998042505094979 0.999946435936525 0.010180508660177 
-0.00186614609890943 -0.0102772653195019 0.997991333777543 
-0.0625114031395241 0.00122599975325258 0.0625272336533416 0.998042505094979 
0.999946435936525 0.010180508660177 -0.00186614609890943 -0.0102772653195019 
0.997991333777543 -0.0625114031395241 0.00122599975325258 0.0625272336533416 
0.998042505094979 0.999946435936525 0.010180508660177 -0.00186614609890943 
-0.0102772653195019 0.997991333777543 -0.0625114031395241 0.00122599975325258 
0.0625272336533416 0.998042505094979 0.999946435936525 0.010180508660177 
-0.00186614609890943 -0.0102772653195019 0.997991333777543 
-0.0625114031395241 0.00122599975325258 0.0625272336533416 0.998042505094979 
0.999946435936525 0.010180508660177 -0.00186614609890943 -0.0102772653195019 
0.997991333777543 -0.0625114031395241 0.00122599975325258 0.0625272336533416 
0.998042505094979 0.999946435936525 0.010180508660177 -0.00186614609890943 
-0.0102772653195019 0.997991333777543 -0.0625114031395241 0.00122599975325258 
0.0625272336533416 0.998042505094979 0.999946435936525 0.010180508660177 
-0.00186614609890943 -0.0102772653195019 0.997991333777543 
-0.0625114031395241 0.00122599975325258 0.0625272336533416 0.998042505094979 
0.999946435936525 0.010180508660177 -0.00186614609890943 -0.0102772653195019 
0.997991333777543 -0.0625114031395241 0.00122599975325258 0.0625272336533416 
0.998042505094979 0.999946435936525 0.010180508660177 -0.00186614609890943 
-0.0102772653195019 0.997991333777543 -0.0625114031395241 0.00122599975325258 
0.0625272336533416 0.998042505094979 0.999946435936525 0.010180508660177 
-0.00186614609890943 -0.0102772653195019 0.997991333777543 
-0.0625114031395241 0.00122599975325258 0.0625272336533416 0.998042505094979 
0.999946435936525 0.010180508660177 -0.00186614609890943 -0.0102772653195019 
0.997991333777543 -0.0625114031395241 0.00122599975325258 0.0625272336533416 
0.998042505094979 0.999946435936525 0.010180508660177 -0.00186614609890943 
-0.0102772653195019 0.997991333777543 -0.0625114031395241 0.00122599975325258 
0.0625272336533416 0.998042505094979 0.999946435936525 0.010180508660177 
-0.00186614609890943 -0.0102772653195019 0.997991333777543 
-0.0625114031395241 0.00122599975325258 0.0625272336533416 0.998042505094979 
0.999946435936525 0.010180508660177 -0.00186614609890943 -0.0102772653195019 
0.997991333777543 -0.0625114031395241 0.00122599975325258 0.0625272336533416 
0.998042505094979 0.999946435936525 0.010180508660177 -0.00186614609890943 
-0.0102772653195019 0.997991333777543 -0.0625114031395241 0.00122599975325258 
0.0625272336533416 0.998042505094979 0.999946435936525 0.010180508660177 
-0.00186614609890943 -0.0102772653195019 0.997991333777543 
-0.0625114031395241 0.00122599975325258 0.0625272336533416 0.998042505094979 
0.999946435936525 0.010180508660177 -0.00186614609890943 -0.0102772653195019 
0.997991333777543 -0.0625114031395241 0.00122599975325258 0.0625272336533416 
0.998042505094979 0.999946435936525 0.010180508660177 -0.00186614609890943 
-0.0102772653195019 0.997991333777543 -0.0625114031395241 0.00122599975325258 
0.0625272336533416 0.998042505094979 0.999946435936525 0.010180508660177 
-0.00186614609890943 -0.0102772653195019 0.997991333777543 
-0.0625114031395241 0.00122599975325258 0.0625272336533416 0.998042505094979 
0.999946435936525 0.010180508660177 -0.00186614609890943 -0.0102772653195019 
0.997991333777543 -0.0625114031395241 0.00122599975325258 0.0625272336533416 
0.998042505094979 0.999946435936525 0.010180508660177 -0.00186614609890943 
-0.0102772653195019 0.997991333777543 -0.0625114031395241 0.00122599975325258 
0.0625272336533416 0.998042505094979 0.999946435936525 0.010180508660177 
-0.00186614609890943 -0.0102772653195019 0.997991333777543 
-0.0625114031395241 0.00122599975325258 0.0625272336533416 0.998042505094979 
0.999946435936525 0.010180508660177 -0.00186614609890943 -0.0102772653195019 
0.997991333777543 -0.0625114031395241 0.00122599975325258 0.0625272336533416 
0.998042505094979 0.999946435936525 0.010180508660177 -0.00186614609890943 
-0.0102772653195019 0.997991333777543 -0.0625114031395241 0.00122599975325258 
0.0625272336533416 0.998042505094979 0.999946435936525 0.010180508660177 
-0.00186614609890943 -0.0102772653195019 0.997991333777543 
-0.0625114031395241 0.00122599975325258 0.0625272336533416 0.998042505094979
##$VisuCorePosition=( 30, 3 )
-6.69926950382704 -6.23786453525375 -6.65290764721231 -6.69871780393807 
-6.20972728010975 -6.20378851991957 -6.69816610404911 -6.18159002496574 
-5.75466939262683 -6.69761440416015 -6.15345276982174 -5.30555026533409 
-6.69706270427118 -6.12531551467773 -4.85643113804135 -6.69651100438222 
-6.09717825953373 -4.40731201074861 -6.69595930449325 -6.06904100438973 
-3.95819288345587 -6.69540760460429 -6.04090374924572 -3.50907375616313 
-6.69485590471533 -6.01276649410172 -3.05995462887039 -6.69430420482636 
-5.98462923895772 -2.61083550157765 -6.6937525049374 -5.95649198381371 
-2.16171637428491 -6.69320080504844 -5.92835472866971 -1.71259724699217 
-6.69264910515947 -5.9002174735257 -1.26347811969942 -6.69209740527051 
-5.8720802183817 -0.814358992406684 -6.69154570538154 -5.8439429632377 
-0.365239865113944 -6.69099400549258 -5.81580570809369 0.0838792621787968 
-6.69044230560362 -5.78766845294969 0.532998389471537 -6.68989060571465 
-5.75953119780569 0.982117516764278 -6.68933890582569 -5.73139394266168 
1.43123664405702 -6.68878720593673 -5.70325668751768 1.88035577134976 
-6.68823550604776 -5.67511943237368 2.3294748986425 -6.6876838061588 
-5.64698217722967 2.77859402593524 -6.68713210626984 -5.61884492208567 
3.22771315322798 -6.68658040638087 -5.59070766694166 3.67683228052072 
-6.68602870649191 -5.56257041179766 4.12595140781346 -6.68547700660294 
-5.53443315665366 4.5750705351062 -6.68492530671398 -5.50629590150965 
5.02418966239894 -6.68437360682502 -5.47815864636565 5.47330878969168 
-6.68382190693605 -5.45002139122164 5.92242791698442 -6.68327020704709 
-5.42188413607764 6.37154704427717
##$VisuCoreDataMin=( 30 )
7.20407235945904 7.80438583757059 5.50996892281499 7.32124690635722 
10.9361336976913 4.76107617408588 9.31177934269324 1.99337114177705 
10.2431663203016 10.3958418822519 5.10040605563903 6.26726928123069 
18.381032936612 4.53668442075042 4.53018742899369 4.79443769971008 
8.47806493321961 23.3285758284704 11.7458807638716 14.3719606364513 
27.093721711158 23.6534090980707 11.7417447690445 11.4255274220759 
3.76556040750967 4.80705869503005 10.3020531661763 3.11915893631564 
5.47431116827494 20.1370693032232
##$VisuCoreDataMax=( 30 )
4992.26253654356 4399.85760252301 5834.72975580254 4824.96477434051 
6790.96037274756 5775.04274612731 4835.18947436821 3963.64955961716 
5659.42916046384 5018.5262466219 6252.63829607034 4935.21779216465 8191.625 
6655.04445382745 6752.80231631115 6741.89134213225 7976.45014637378 
6654.911906868 7558.81479995114 6729.4121973824 7566.08397356127 
6311.07146672194 4617.72557164921 3994.47690909604 4289.71434935235 
3430.71137793371 6581.16277928908 6877.95114217453 6230.61712000425 
7270.80481444263
##$VisuCoreDataOffs=( 30 )
0 0 0 0 0 0 0 0 0 0 0 0 0 0 0 0 0 0 0 0 0 0 0 0 0 0 0 0 0 0
##$VisuCoreDataSlope=( 30 )
0.0155909516877357 0.0155909516877357 0.0155909516877357 0.0155909516877357 
0.0155909516877357 0.0155909516877357 0.0155909516877357 0.0155909516877357 
0.0155909516877357 0.0155909516877357 0.0155909516877357 0.0155909516877357 
0.0155909516877357 0.0155909516877357 0.0155909516877357 0.0155909516877357 
0.0155909516877357 0.0155909516877357 0.0155909516877357 0.0155909516877357 
0.0155909516877357 0.0155909516877357 0.0155909516877357 0.0155909516877357 
0.0155909516877357 0.0155909516877357 0.0155909516877357 0.0155909516877357 
0.0155909516877357 0.0155909516877357
##$VisuCoreFrameType=( 1 )
MAGNITUDE_IMAGE
##$VisuCoreSlicePacksDef=(0, 1)
##$VisuCoreSlicePacksSlices=( 1 )
(0, 30)
##$VisuCoreSlicePacksSliceDist=( 1 )
0.45
##$VisuCoreWordType=_16BIT_SGN_INT
##$VisuCoreByteOrder=littleEndian
##$VisuFGOrderDescDim=1
##$VisuFGOrderDesc=( 1 )
(30, <FG_SLICE>, <>, 0, 2)
##$VisuGroupDepVals=( 2 )
(<VisuCoreOrientation>, 0) (<VisuCorePosition>, 0)
##$VisuSubjectName=( 65 )
<5704>
##$VisuSubjectId=( 65 )
<5704>
##$VisuSubjectUid=( 65 )
<2.16.756.5.5.100.4219345756.8159.1484665329.263>
##$VisuSubjectInstanceCreationDate=(1484665329, 958, 60)
##$VisuSubjectBirthDate=( 9 )
<20170117>
##$VisuSubjectSex=MALE
##$VisuSubjectType=Quadruped
##$VisuStudyUid=( 65 )
<2.16.756.5.5.100.4219345756.13573.1489757563.147>
##$VisuStudyDate=<2017-03-17T14:32:43,899+0100>
##$VisuStudyId=( 65 )
<ofMpF>
##$VisuStudyNumber=6
##$VisuSubjectWeight=0.0323
##$VisuStudyReferringPhysician=( 65 )
<CHo>
##$VisuStudyDescription=( 2048 )
<\
>
##$VisuExperimentNumber=12
##$VisuProcessingNumber=1
##$VisuSeriesDate=<2017-03-17T15:02:13,347+0100>
##$VisuSubjectPosition=Head_Supine
##$VisuSeriesTypeId=( 65 )
<ACQ_BRUKER_PVM>
##$VisuManufacturer=( 65 )
<Bruker BioSpin MRI GmbH>
##$VisuAcqSoftwareVersion=( 65 )
<6.0>
##$VisuInstitution=( 65 )
<ETH Zuerich>
##$VisuStation=( 65 )
<BioSpec 70/16>
##$VisuAcqDate=<2017-03-17T15:02:07,190+0100>
##$VisuAcqEchoTrainLength=29
##$VisuAcqSequenceName=( 40 )
<Bruker:EPI>
##$VisuAcqNumberOfAverages=1
##$VisuAcqImagingFrequency=300.328775979969
##$VisuAcqImagedNucleus=( 8 )
<1H>
##$VisuAcqRepetitionTime=( 1 )
1000
##$VisuAcqPhaseEncSteps=29
##$VisuAcqPixelBandwidth=4166.66666666667
##$VisuAcqFlipAngle=90
##$VisuAcqSize=( 2 )
60 29
##$VisuAcqImageSizeAccellerated=Yes
##$VisuAcqGradEncoding=( 2 )
read_enc phase_enc
##$VisuAcqEchoTime=( 1 )
5.913
##$VisuAcquisitionProtocol=( 65 )
<3_ssEPI_CBV>
##$VisuAcqScanTime=1000
##$VisuAcqAntiAlias=( 2 )
1 1
##$VisuAcqEchoSequenceType=Both
##$VisuAcqSpinsVelocityEncoded=No
##$VisuAcqHasTimeOfFlightContrast=No
##$VisuAcqIsEpiSequence=Yes
##$VisuAcqSpectralSuppression=NoSuppression
##$VisuAcqKSpaceTraversal=RectilinearTraversal
##$VisuAcqEncodingOrder=( 2 )
LinearEncoding LinearEncoding
##$VisuAcqKSpaceTrajectoryCnt=1
##$VisuAcqKSpaceFiltering=( 2 )
NO_WDW NO_WDW
##$VisuAcqFlowCompensation=FlowNone
##$VisuAcqSpoiling=GradientSpoiled
##$VisuAcqSaturation=( 1 )
(FovSaturation, 6, 0.00770212657969371 -0.998010329121009 0.0625784324981539, 
-0.0485097818209056 6.28570081518909 -0.394133500114514)
##$VisuAcqPartialFourier=( 2 )
1 1.4
##$VisuAcqParallelReductionFactor=( 2 )
1 1
##$VisuAcqMagnetizationTransfer=No
##$VisuAcqBloodSignalNulling=No
##$VisuCardiacSynchUsed=No
##$VisuRespSynchUsed=No
##END=
