##TITLE=Parameter List, ParaVision 6.0
##JCAMPDX=4.24
##DATATYPE=Parameter Values
##ORIGIN=Bruker BioSpin MRI GmbH
##OWNER=mri
$$ 2017-03-17 16:50:35 +0100  mri@pharmascan70
$$ /opt/PV6.0/data/mri/20170317_155009_5706_1_5/12/visu_pars
$$ process /opt/PV6.0/prog/mod/acq_out
##$VisuVersion=3
##$VisuUid=( 65 )
<2.16.756.5.5.100.9223372038926637916.21387.1489765835.1>
##$VisuCreator=( 65 )
<ParaVision>
##$VisuCreatorVersion=( 65 )
<6.0>
##$VisuCreationDate=<2017-03-17T16:50:35,505+0100>
##$VisuInstanceModality=( 65 )
<MR>
##$VisuCoreFrameCount=30
##$VisuCoreDim=2
##$VisuCoreSize=( 2 )
180 120
##$VisuCoreDimDesc=( 2 )
spatial spatial
##$VisuCoreExtent=( 2 )
13.5 9
##$VisuCoreFrameThickness=( 1 )
0.45
##$VisuCoreUnits=( 2, 65 )
<mm> <mm>
##$VisuCoreOrientation=( 30, 9 )
0.999946435936525 0.010180508660177 -0.00186614609890943 -0.0102772653195019 
0.997991333777543 -0.0625114031395241 0.00122599975325258 0.0625272336533416 
0.998042505094979 0.999946435936525 0.010180508660177 -0.00186614609890943 
-0.0102772653195019 0.997991333777543 -0.0625114031395241 0.00122599975325258 
0.0625272336533416 0.998042505094979 0.999946435936525 0.010180508660177 
-0.00186614609890943 -0.0102772653195019 0.997991333777543 
-0.0625114031395241 0.00122599975325258 0.0625272336533416 0.998042505094979 
0.999946435936525 0.010180508660177 -0.00186614609890943 -0.0102772653195019 
0.997991333777543 -0.0625114031395241 0.00122599975325258 0.0625272336533416 
0.998042505094979 0.999946435936525 0.010180508660177 -0.00186614609890943 
-0.0102772653195019 0.997991333777543 -0.0625114031395241 0.00122599975325258 
0.0625272336533416 0.998042505094979 0.999946435936525 0.010180508660177 
-0.00186614609890943 -0.0102772653195019 0.997991333777543 
-0.0625114031395241 0.00122599975325258 0.0625272336533416 0.998042505094979 
0.999946435936525 0.010180508660177 -0.00186614609890943 -0.0102772653195019 
0.997991333777543 -0.0625114031395241 0.00122599975325258 0.0625272336533416 
0.998042505094979 0.999946435936525 0.010180508660177 -0.00186614609890943 
-0.0102772653195019 0.997991333777543 -0.0625114031395241 0.00122599975325258 
0.0625272336533416 0.998042505094979 0.999946435936525 0.010180508660177 
-0.00186614609890943 -0.0102772653195019 0.997991333777543 
-0.0625114031395241 0.00122599975325258 0.0625272336533416 0.998042505094979 
0.999946435936525 0.010180508660177 -0.00186614609890943 -0.0102772653195019 
0.997991333777543 -0.0625114031395241 0.00122599975325258 0.0625272336533416 
0.998042505094979 0.999946435936525 0.010180508660177 -0.00186614609890943 
-0.0102772653195019 0.997991333777543 -0.0625114031395241 0.00122599975325258 
0.0625272336533416 0.998042505094979 0.999946435936525 0.010180508660177 
-0.00186614609890943 -0.0102772653195019 0.997991333777543 
-0.0625114031395241 0.00122599975325258 0.0625272336533416 0.998042505094979 
0.999946435936525 0.010180508660177 -0.00186614609890943 -0.0102772653195019 
0.997991333777543 -0.0625114031395241 0.00122599975325258 0.0625272336533416 
0.998042505094979 0.999946435936525 0.010180508660177 -0.00186614609890943 
-0.0102772653195019 0.997991333777543 -0.0625114031395241 0.00122599975325258 
0.0625272336533416 0.998042505094979 0.999946435936525 0.010180508660177 
-0.00186614609890943 -0.0102772653195019 0.997991333777543 
-0.0625114031395241 0.00122599975325258 0.0625272336533416 0.998042505094979 
0.999946435936525 0.010180508660177 -0.00186614609890943 -0.0102772653195019 
0.997991333777543 -0.0625114031395241 0.00122599975325258 0.0625272336533416 
0.998042505094979 0.999946435936525 0.010180508660177 -0.00186614609890943 
-0.0102772653195019 0.997991333777543 -0.0625114031395241 0.00122599975325258 
0.0625272336533416 0.998042505094979 0.999946435936525 0.010180508660177 
-0.00186614609890943 -0.0102772653195019 0.997991333777543 
-0.0625114031395241 0.00122599975325258 0.0625272336533416 0.998042505094979 
0.999946435936525 0.010180508660177 -0.00186614609890943 -0.0102772653195019 
0.997991333777543 -0.0625114031395241 0.00122599975325258 0.0625272336533416 
0.998042505094979 0.999946435936525 0.010180508660177 -0.00186614609890943 
-0.0102772653195019 0.997991333777543 -0.0625114031395241 0.00122599975325258 
0.0625272336533416 0.998042505094979 0.999946435936525 0.010180508660177 
-0.00186614609890943 -0.0102772653195019 0.997991333777543 
-0.0625114031395241 0.00122599975325258 0.0625272336533416 0.998042505094979 
0.999946435936525 0.010180508660177 -0.00186614609890943 -0.0102772653195019 
0.997991333777543 -0.0625114031395241 0.00122599975325258 0.0625272336533416 
0.998042505094979 0.999946435936525 0.010180508660177 -0.00186614609890943 
-0.0102772653195019 0.997991333777543 -0.0625114031395241 0.00122599975325258 
0.0625272336533416 0.998042505094979 0.999946435936525 0.010180508660177 
-0.00186614609890943 -0.0102772653195019 0.997991333777543 
-0.0625114031395241 0.00122599975325258 0.0625272336533416 0.998042505094979 
0.999946435936525 0.010180508660177 -0.00186614609890943 -0.0102772653195019 
0.997991333777543 -0.0625114031395241 0.00122599975325258 0.0625272336533416 
0.998042505094979 0.999946435936525 0.010180508660177 -0.00186614609890943 
-0.0102772653195019 0.997991333777543 -0.0625114031395241 0.00122599975325258 
0.0625272336533416 0.998042505094979 0.999946435936525 0.010180508660177 
-0.00186614609890943 -0.0102772653195019 0.997991333777543 
-0.0625114031395241 0.00122599975325258 0.0625272336533416 0.998042505094979 
0.999946435936525 0.010180508660177 -0.00186614609890943 -0.0102772653195019 
0.997991333777543 -0.0625114031395241 0.00122599975325258 0.0625272336533416 
0.998042505094979 0.999946435936525 0.010180508660177 -0.00186614609890943 
-0.0102772653195019 0.997991333777543 -0.0625114031395241 0.00122599975325258 
0.0625272336533416 0.998042505094979 0.999946435936525 0.010180508660177 
-0.00186614609890943 -0.0102772653195019 0.997991333777543 
-0.0625114031395241 0.00122599975325258 0.0625272336533416 0.998042505094979
##$VisuCorePosition=( 30, 3 )
-6.69948907241215 -5.97146812931907 -5.31727047765426 -6.69893737252319 
-5.94333087417507 -4.86815135036152 -6.69838567263422 -5.91519361903107 
-4.41903222306878 -6.69783397274526 -5.88705636388706 -3.96991309577604 
-6.6972822728563 -5.85891910874306 -3.5207939684833 -6.69673057296733 
-5.83078185359905 -3.07167484119056 -6.69617887307837 -5.80264459845505 
-2.62255571389782 -6.69562717318941 -5.77450734331105 -2.17343658660508 
-6.69507547330044 -5.74637008816704 -1.72431745931234 -6.69452377341148 
-5.71823283302304 -1.2751983320196 -6.69397207352251 -5.69009557787904 
-0.826079204726857 -6.69342037363355 -5.66195832273503 -0.376960077434116 
-6.69286867374459 -5.63382106759103 0.0721590498586242 -6.69231697385562 
-5.60568381244703 0.521278177151365 -6.69176527396666 -5.57754655730302 
0.970397304444105 -6.6912135740777 -5.54940930215902 1.41951643173685 
-6.69066187418873 -5.52127204701501 1.86863555902959 -6.69011017429977 
-5.49313479187101 2.31775468632233 -6.68955847441081 -5.46499753672701 
2.76687381361507 -6.68900677452184 -5.436860281583 3.21599294090781 
-6.68845507463288 -5.408723026439 3.66511206820055 -6.68790337474391 
-5.38058577129499 4.11423119549329 -6.68735167485495 -5.35244851615099 
4.56335032278603 -6.68679997496599 -5.32431126100699 5.01246945007877 
-6.68624827507702 -5.29617400586298 5.46158857737151 -6.68569657518806 
-5.26803675071898 5.91070770466425 -6.6851448752991 -5.23989949557498 
6.35982683195699 -6.68459317541013 -5.21176224043097 6.80894595924973 
-6.68404147552117 -5.18362498528697 7.25806508654247 -6.68348977563221 
-5.15548773014297 7.70718421383521
##$VisuCoreDataMin=( 30 )
18.6225158239433 12.5658652416304 37.4135842456193 16.794454164014 
5.74145465605382 8.29480910020602 6.6260897577031 4.38744459436031 
13.2211037543063 36.6002858575453 10.9694352704587 33.198656637104 
13.3541751491168 33.4673134668828 0.260659189332032 14.0544146179323 
15.6047154730998 20.9516719433951 11.5606479183003 19.8354935818289 
7.41406851917555 15.0395502076383 3.43432962398999 12.0666339449155 
28.7328669388585 10.3112893177261 8.4214988459644 10.856644610804 
12.5967713402121 12.5646213201495
##$VisuCoreDataMax=( 30 )
20474.2938068103 22270.1343685526 20059.3915626069 19536.313286582 
20109.2743755565 23049.6853152342 32766.5 23504.6814627228 19074.4090965188 
17611.4663359481 18468.2341854195 19814.7213184483 23551.293552924 
22292.3663043903 21291.6744060136 21779.6083749241 20435.5456059685 
22380.0072403994 20905.3999885983 17838.9749001835 19067.2967690802 
17760.795550707 17714.6812086749 15964.9000608223 17474.4286852969 
22872.9303304201 22359.9327242151 24920.2017126293 25103.0688731012 
26978.6518402728
##$VisuCoreDataOffs=( 30 )
0 0 0 0 0 0 0 0 0 0 0 0 0 0 0 0 0 0 0 0 0 0 0 0 0 0 0 0 0 0
##$VisuCoreDataSlope=( 30 )
0.00331128074282485 0.00331128074282485 0.00331128074282485 
0.00331128074282485 0.00331128074282485 0.00331128074282485 
0.00331128074282485 0.00331128074282485 0.00331128074282485 
0.00331128074282485 0.00331128074282485 0.00331128074282485 
0.00331128074282485 0.00331128074282485 0.00331128074282485 
0.00331128074282485 0.00331128074282485 0.00331128074282485 
0.00331128074282485 0.00331128074282485 0.00331128074282485 
0.00331128074282485 0.00331128074282485 0.00331128074282485 
0.00331128074282485 0.00331128074282485 0.00331128074282485 
0.00331128074282485 0.00331128074282485 0.00331128074282485
##$VisuCoreFrameType=( 1 )
MAGNITUDE_IMAGE
##$VisuCoreSlicePacksDef=(0, 1)
##$VisuCoreSlicePacksSlices=( 1 )
(0, 30)
##$VisuCoreSlicePacksSliceDist=( 1 )
0.45
##$VisuCoreWordType=_16BIT_SGN_INT
##$VisuCoreByteOrder=littleEndian
##$VisuFGOrderDescDim=1
##$VisuFGOrderDesc=( 1 )
(30, <FG_SLICE>, <>, 0, 2)
##$VisuGroupDepVals=( 2 )
(<VisuCoreOrientation>, 0) (<VisuCorePosition>, 0)
##$VisuSubjectName=( 65 )
<5706>
##$VisuSubjectId=( 65 )
<5706>
##$VisuSubjectUid=( 65 )
<2.16.756.5.5.100.4219345756.8159.1484670286.495>
##$VisuSubjectInstanceCreationDate=(1484670286, 359, 60)
##$VisuSubjectBirthDate=( 9 )
<20170117>
##$VisuSubjectSex=MALE
##$VisuSubjectType=Quadruped
##$VisuStudyUid=( 65 )
<2.16.756.5.5.100.4219345756.13573.1489762209.460>
##$VisuStudyDate=<2017-03-17T15:50:09,266+0100>
##$VisuStudyId=( 65 )
<ofMpF>
##$VisuStudyNumber=5
##$VisuSubjectWeight=0.03
##$VisuStudyReferringPhysician=( 65 )
<CHo>
##$VisuStudyDescription=( 2048 )
<\
>
##$VisuExperimentNumber=12
##$VisuProcessingNumber=1
##$VisuSeriesDate=<2017-03-17T16:50:35,505+0100>
##$VisuSubjectPosition=Head_Supine
##$VisuSeriesTypeId=( 65 )
<ACQ_BRUKER_PVM>
##$VisuManufacturer=( 65 )
<Bruker BioSpin MRI GmbH>
##$VisuAcqSoftwareVersion=( 65 )
<6.0>
##$VisuInstitution=( 65 )
<ETH Zuerich>
##$VisuStation=( 65 )
<BioSpec 70/16>
##$VisuAcqDate=<2017-03-17T16:45:25,574+0100>
##$VisuAcqEchoTrainLength=8
##$VisuAcqSequenceName=( 40 )
<Bruker:RARE>
##$VisuAcqNumberOfAverages=8
##$VisuAcqImagingFrequency=300.328627642126
##$VisuAcqImagedNucleus=( 8 )
<1H>
##$VisuAcqRepetitionTime=( 1 )
2500
##$VisuAcqPhaseEncSteps=120
##$VisuAcqPixelBandwidth=277.777777777778
##$VisuAcqFlipAngle=90
##$VisuAcqSize=( 2 )
180 120
##$VisuAcqImageSizeAccellerated=No
##$VisuAcqGradEncoding=( 2 )
read_enc phase_enc
##$VisuAcqEchoTime=( 1 )
21
##$VisuAcquisitionProtocol=( 65 )
<TurboRARE>
##$VisuAcqScanTime=300000
##$VisuAcqAntiAlias=( 2 )
1 1
##$VisuAcqEchoSequenceType=Both
##$VisuAcqSpinsVelocityEncoded=No
##$VisuAcqHasTimeOfFlightContrast=No
##$VisuAcqIsEpiSequence=No
##$VisuAcqSpectralSuppression=FatSuppression
##$VisuAcqKSpaceTraversal=RectilinearTraversal
##$VisuAcqEncodingOrder=( 2 )
LinearEncoding LinearEncoding
##$VisuAcqKSpaceTrajectoryCnt=1
##$VisuAcqKSpaceFiltering=( 2 )
NO_WDW NO_WDW
##$VisuAcqFlowCompensation=FlowNone
##$VisuAcqSpoiling=GradientSpoiled
##$VisuAcqSaturation=( 1 )
(FovSaturation, 6, 0.00770212657969371 -0.998010329121009 0.0625784324981539, 
-0.0503054253437689 6.5183730213252 -0.408722789945521)
##$VisuAcqPartialFourier=( 2 )
1 1
##$VisuAcqParallelReductionFactor=( 2 )
1 1
##$VisuAcqMagnetizationTransfer=No
##$VisuAcqBloodSignalNulling=No
##$VisuCardiacSynchUsed=No
##$VisuRespSynchUsed=No
##END=
